GIT
  remote: https://github.com/ideacrew/resource_registry.git
<<<<<<< HEAD
  revision: 7b8f396afde849e584d0a749ade9ee88f1717e26
  branch: trunk
=======
  revision: f313d71aafd697e97b9e491410ab3f2ec5ea824c
  branch: master
>>>>>>> ruby-2.7.1 and rails-6.0 upgrade
  specs:
    resource_registry (0.7.0)
      bootsnap (~> 1.0)
      deep_merge (>= 1.0.0)
      dry-configurable (= 0.9)
      dry-container (~> 0.7)
      dry-matcher (~> 0.7)
      dry-monads (~> 1.2)
      dry-struct (~> 1.0)
      dry-types (~> 1.0)
      dry-validation (~> 1.2)
      i18n (>= 0.7.0)
      loofah (>= 2.3.1)
      mime-types
      nokogiri (>= 1.9.1)
      ox (~> 2.0)
      rack (>= 1.6.13)

<<<<<<< HEAD
<<<<<<< HEAD
=======
>>>>>>> pointing mongoid to its github to fix a bug
GIT
  remote: https://github.com/mongodb/mongoid.git
  revision: df6b2168ee7526f0c5e26f64f38851b91a0623e8
  ref: df6b2168ee7526f0c5e26f64f38851b91a0623e8
  specs:
    mongoid (7.3.0.alpha)
      activemodel (>= 5.1, < 6.2)
      mongo (>= 2.10.5, < 3.0.0)

<<<<<<< HEAD
=======
>>>>>>> ruby-2.7.1 and rails-6.0 upgrade
=======
>>>>>>> pointing mongoid to its github to fix a bug
PATH
  remote: ../financial_assistance
  specs:
    financial_assistance (0.1.0)
      aasm (~> 4.8)
      config (~> 2.0)
      devise (~> 4.5)
      dry-monads
      dry-types
      dry-validation
      font-awesome-rails (~> 4.7)
      haml-rails
      money-rails (~> 1.13.3)
<<<<<<< HEAD
<<<<<<< HEAD
=======
      mongoid (~> 7.2)
>>>>>>> ruby-2.7.1 and rails-6.0 upgrade
=======
>>>>>>> pointing mongoid to its github to fix a bug
      mongoid-autoinc (~> 6.0)
      pundit (~> 2.0)
      rails (~> 6.0)
      slim (~> 3.0)
      symmetric-encryption (~> 3.9.1)

PATH
  remote: .
  specs:
    ui_helpers (0.0.1)
      rails (~> 6.0)

GEM
  remote: https://rubygems.org/
  specs:
    aasm (4.12.3)
      concurrent-ruby (~> 1.0)
    actioncable (6.0.3.4)
      actionpack (= 6.0.3.4)
      nio4r (~> 2.0)
      websocket-driver (>= 0.6.1)
    actionmailbox (6.0.3.4)
      actionpack (= 6.0.3.4)
      activejob (= 6.0.3.4)
      activerecord (= 6.0.3.4)
      activestorage (= 6.0.3.4)
      activesupport (= 6.0.3.4)
      mail (>= 2.7.1)
    actionmailer (6.0.3.4)
      actionpack (= 6.0.3.4)
      actionview (= 6.0.3.4)
      activejob (= 6.0.3.4)
      mail (~> 2.5, >= 2.5.4)
      rails-dom-testing (~> 2.0)
    actionpack (6.0.3.4)
      actionview (= 6.0.3.4)
      activesupport (= 6.0.3.4)
      rack (~> 2.0, >= 2.0.8)
      rack-test (>= 0.6.3)
      rails-dom-testing (~> 2.0)
      rails-html-sanitizer (~> 1.0, >= 1.2.0)
    actiontext (6.0.3.4)
      actionpack (= 6.0.3.4)
      activerecord (= 6.0.3.4)
      activestorage (= 6.0.3.4)
      activesupport (= 6.0.3.4)
      nokogiri (>= 1.8.5)
    actionview (6.0.3.4)
      activesupport (= 6.0.3.4)
      builder (~> 3.1)
      erubi (~> 1.4)
      rails-dom-testing (~> 2.0)
      rails-html-sanitizer (~> 1.1, >= 1.2.0)
    activejob (6.0.3.4)
      activesupport (= 6.0.3.4)
      globalid (>= 0.3.6)
    activemodel (6.0.3.4)
      activesupport (= 6.0.3.4)
    activerecord (6.0.3.4)
      activemodel (= 6.0.3.4)
      activesupport (= 6.0.3.4)
    activestorage (6.0.3.4)
      actionpack (= 6.0.3.4)
      activejob (= 6.0.3.4)
      activerecord (= 6.0.3.4)
      marcel (~> 0.3.1)
    activesupport (6.0.3.4)
      concurrent-ruby (~> 1.0, >= 1.0.2)
      i18n (>= 0.7, < 2)
      minitest (~> 5.1)
      tzinfo (~> 1.1)
      zeitwerk (~> 2.2, >= 2.2.2)
    addressable (2.7.0)
      public_suffix (>= 2.0.2, < 5.0)
<<<<<<< HEAD
    arel (9.0.0)
    bcrypt (3.1.16)
    bootsnap (1.7.2)
      msgpack (~> 1.0)
    bson (4.12.0)
=======
    bcrypt (3.1.16)
    bootsnap (1.7.0)
      msgpack (~> 1.0)
<<<<<<< HEAD
    bson (4.11.1)
>>>>>>> ruby-2.7.1 and rails-6.0 upgrade
=======
    bson (4.12.0)
>>>>>>> pointing mongoid to its github to fix a bug
    builder (3.2.4)
    byebug (11.1.3)
    capybara (3.35.3)
      addressable
      mini_mime (>= 0.1.3)
      nokogiri (~> 1.8)
      rack (>= 1.6.0)
      rack-test (>= 0.6.3)
      regexp_parser (>= 1.5, < 3.0)
      xpath (~> 3.2)
    coercible (1.0.0)
      descendants_tracker (~> 0.0.1)
    concurrent-ruby (1.1.8)
    config (2.2.3)
      deep_merge (~> 1.2, >= 1.2.1)
      dry-validation (~> 1.0, >= 1.0.0)
    crass (1.0.6)
    deep_merge (1.2.1)
    descendants_tracker (0.0.4)
      thread_safe (~> 0.3, >= 0.3.1)
    devise (4.7.3)
      bcrypt (~> 3.0)
      orm_adapter (~> 0.1)
      railties (>= 4.1.0)
      responders
      warden (~> 1.2.3)
    diff-lcs (1.4.4)
    dry-configurable (0.9.0)
      concurrent-ruby (~> 1.0)
      dry-core (~> 0.4, >= 0.4.7)
    dry-container (0.7.2)
      concurrent-ruby (~> 1.0)
      dry-configurable (~> 0.1, >= 0.1.3)
    dry-core (0.5.0)
      concurrent-ruby (~> 1.0)
    dry-equalizer (0.3.0)
    dry-inflector (0.2.0)
    dry-initializer (3.0.4)
    dry-logic (1.1.0)
      concurrent-ruby (~> 1.0)
      dry-core (~> 0.5, >= 0.5)
<<<<<<< HEAD
    dry-matcher (0.9.0)
      dry-core (~> 0.4, >= 0.4.8)
=======
    dry-matcher (0.8.3)
      dry-core (>= 0.4.8)
>>>>>>> ruby-2.7.1 and rails-6.0 upgrade
    dry-monads (1.3.5)
      concurrent-ruby (~> 1.0)
      dry-core (~> 0.4, >= 0.4.4)
      dry-equalizer
<<<<<<< HEAD
    dry-schema (1.6.1)
=======
    dry-schema (1.6.0)
>>>>>>> ruby-2.7.1 and rails-6.0 upgrade
      concurrent-ruby (~> 1.0)
      dry-configurable (~> 0.8, >= 0.8.3)
      dry-core (~> 0.5, >= 0.5)
      dry-initializer (~> 3.0)
      dry-logic (~> 1.0)
      dry-types (~> 1.5)
    dry-struct (1.4.0)
      dry-core (~> 0.5, >= 0.5)
      dry-types (~> 1.5)
      ice_nine (~> 0.11)
<<<<<<< HEAD
    dry-types (1.5.1)
=======
    dry-types (1.5.0)
>>>>>>> ruby-2.7.1 and rails-6.0 upgrade
      concurrent-ruby (~> 1.0)
      dry-container (~> 0.3)
      dry-core (~> 0.5, >= 0.5)
      dry-inflector (~> 0.1, >= 0.1.2)
      dry-logic (~> 1.0, >= 1.0.2)
    dry-validation (1.6.0)
      concurrent-ruby (~> 1.0)
      dry-container (~> 0.7, >= 0.7.1)
      dry-core (~> 0.4)
      dry-equalizer (~> 0.2)
      dry-initializer (~> 3.0)
      dry-schema (~> 1.5, >= 1.5.2)
<<<<<<< HEAD
    erubi (1.9.0)
    erubis (2.7.0)
    font-awesome-rails (4.7.0.7)
      railties (>= 3.2, < 7)
=======
    erubi (1.10.0)
    erubis (2.7.0)
    font-awesome-rails (4.7.0.6)
      railties (>= 3.2, < 6.2)
>>>>>>> ruby-2.7.1 and rails-6.0 upgrade
    globalid (0.4.2)
      activesupport (>= 4.2.0)
    haml (5.2.1)
      temple (>= 0.8.0)
      tilt
    haml-rails (2.0.1)
      actionpack (>= 5.1)
      activesupport (>= 5.1)
      haml (>= 4.0.6, < 6.0)
      html2haml (>= 1.0.1)
      railties (>= 5.1)
    html2haml (2.2.0)
      erubis (~> 2.7.0)
      haml (>= 4.0, < 6)
      nokogiri (>= 1.6.0)
      ruby_parser (~> 3.5)
    i18n (1.8.7)
      concurrent-ruby (~> 1.0)
    ice_nine (0.11.2)
    loofah (2.9.0)
      crass (~> 1.0.2)
      nokogiri (>= 1.5.9)
    mail (2.7.1)
      mini_mime (>= 0.1.1)
    marcel (0.3.3)
      mimemagic (~> 0.3.2)
    method_source (1.0.0)
    mime-types (3.3.1)
      mime-types-data (~> 3.2015)
<<<<<<< HEAD
    mime-types-data (3.2021.0225)
=======
    mime-types-data (3.2020.1104)
>>>>>>> ruby-2.7.1 and rails-6.0 upgrade
    mimemagic (0.3.5)
    mini_mime (1.0.2)
    mini_portile2 (2.5.0)
    minitest (5.14.3)
    monetize (1.9.4)
      money (~> 6.12)
    money (6.13.8)
      i18n (>= 0.6.4, <= 2)
    money-rails (1.13.4)
      activesupport (>= 3.0)
      monetize (~> 1.9.0)
      money (~> 6.13.2)
      railties (>= 3.0)
    mongo (2.14.0)
      bson (>= 4.8.2, < 5.0.0)
<<<<<<< HEAD
<<<<<<< HEAD
    mongoid-autoinc (6.0.3)
      mongoid (>= 6.0, < 8.0)
    msgpack (1.4.2)
=======
    mongoid (7.2.0)
      activemodel (>= 5.1, < 6.1)
      mongo (>= 2.10.5, < 3.0.0)
=======
>>>>>>> pointing mongoid to its github to fix a bug
    mongoid-autoinc (6.0.3)
      mongoid (>= 6.0, < 8.0)
<<<<<<< HEAD
    msgpack (1.3.3)
>>>>>>> ruby-2.7.1 and rails-6.0 upgrade
=======
    msgpack (1.4.2)
>>>>>>> updated gems and changed as_json to serializable_hash
    nio4r (2.5.4)
    nokogiri (1.11.1)
      mini_portile2 (~> 2.5.0)
      racc (~> 1.4)
    orm_adapter (0.5.0)
    ox (2.14.1)
<<<<<<< HEAD
<<<<<<< HEAD
    public_suffix (4.0.6)
=======
    public_suffix (4.0.5)
>>>>>>> ruby-2.7.1 and rails-6.0 upgrade
=======
    public_suffix (4.0.6)
>>>>>>> updated gems and changed as_json to serializable_hash
    pundit (2.1.0)
      activesupport (>= 3.0.0)
    racc (1.5.2)
    rack (2.2.3)
    rack-test (1.1.0)
      rack (>= 1.0, < 3)
    rails (6.0.3.4)
      actioncable (= 6.0.3.4)
      actionmailbox (= 6.0.3.4)
      actionmailer (= 6.0.3.4)
      actionpack (= 6.0.3.4)
      actiontext (= 6.0.3.4)
      actionview (= 6.0.3.4)
      activejob (= 6.0.3.4)
      activemodel (= 6.0.3.4)
      activerecord (= 6.0.3.4)
      activestorage (= 6.0.3.4)
      activesupport (= 6.0.3.4)
      bundler (>= 1.3.0)
      railties (= 6.0.3.4)
      sprockets-rails (>= 2.0.0)
    rails-dom-testing (2.0.3)
      activesupport (>= 4.2.0)
      nokogiri (>= 1.6)
    rails-html-sanitizer (1.3.0)
      loofah (~> 2.3)
    railties (6.0.3.4)
      actionpack (= 6.0.3.4)
      activesupport (= 6.0.3.4)
      method_source
      rake (>= 0.8.7)
      thor (>= 0.20.3, < 2.0)
    rake (13.0.3)
<<<<<<< HEAD
<<<<<<< HEAD
    regexp_parser (2.0.3)
    responders (3.0.1)
      actionpack (>= 5.0)
      railties (>= 5.0)
    rspec-core (3.10.1)
      rspec-support (~> 3.10.0)
    rspec-expectations (3.10.1)
=======
    regexp_parser (1.7.1)
    responders (3.0.1)
      actionpack (>= 5.0)
      railties (>= 5.0)
    rspec-core (3.9.2)
      rspec-support (~> 3.9.3)
    rspec-expectations (3.9.2)
>>>>>>> ruby-2.7.1 and rails-6.0 upgrade
=======
    regexp_parser (2.0.3)
    responders (3.0.1)
      actionpack (>= 5.0)
      railties (>= 5.0)
    rspec-core (3.10.1)
      rspec-support (~> 3.10.0)
    rspec-expectations (3.10.1)
>>>>>>> updated gems and changed as_json to serializable_hash
      diff-lcs (>= 1.2.0, < 2.0)
      rspec-support (~> 3.10.0)
    rspec-mocks (3.10.2)
      diff-lcs (>= 1.2.0, < 2.0)
      rspec-support (~> 3.10.0)
    rspec-rails (4.0.2)
      actionpack (>= 4.2)
      activesupport (>= 4.2)
      railties (>= 4.2)
<<<<<<< HEAD
<<<<<<< HEAD
=======
>>>>>>> updated gems and changed as_json to serializable_hash
      rspec-core (~> 3.10)
      rspec-expectations (~> 3.10)
      rspec-mocks (~> 3.10)
      rspec-support (~> 3.10)
    rspec-support (3.10.2)
<<<<<<< HEAD
=======
      rspec-core (~> 3.9)
      rspec-expectations (~> 3.9)
      rspec-mocks (~> 3.9)
      rspec-support (~> 3.9)
    rspec-support (3.9.3)
>>>>>>> ruby-2.7.1 and rails-6.0 upgrade
=======
>>>>>>> updated gems and changed as_json to serializable_hash
    ruby_parser (3.15.1)
      sexp_processor (~> 4.9)
    sexp_processor (4.15.2)
    slim (3.0.9)
      temple (>= 0.7.6, < 0.9)
      tilt (>= 1.3.3, < 2.1)
    sprockets (4.0.2)
      concurrent-ruby (~> 1.0)
      rack (> 1, < 3)
    sprockets-rails (3.2.2)
      actionpack (>= 4.0)
      activesupport (>= 4.0)
      sprockets (>= 3.0.0)
    sqlite3 (1.4.2)
    symmetric-encryption (3.9.1)
      coercible (~> 1.0)
    temple (0.8.2)
    thor (1.1.0)
    thread_safe (0.3.6)
    tilt (2.0.10)
    tzinfo (1.2.9)
      thread_safe (~> 0.1)
    warden (1.2.9)
      rack (>= 2.0.9)
    websocket-driver (0.7.3)
      websocket-extensions (>= 0.1.0)
    websocket-extensions (0.1.5)
    xpath (3.2.0)
      nokogiri (~> 1.8)
    zeitwerk (2.4.2)

PLATFORMS
  ruby

DEPENDENCIES
  byebug
  capybara
  financial_assistance!
<<<<<<< HEAD
<<<<<<< HEAD
  mongoid!
=======
>>>>>>> ruby-2.7.1 and rails-6.0 upgrade
=======
  mongoid!
>>>>>>> pointing mongoid to its github to fix a bug
  resource_registry!
  rspec-rails
  sqlite3
  ui_helpers!

BUNDLED WITH
   2.0.1
