GIT
  remote: https://github.com/dchbx/acapi.git
  revision: 3dcc68096cb46b3a384afd323d56f5c307e7585a
  branch: master
  specs:
    acapi (1.3.2)
      activesupport (> 4.2.0)
      bunny (~> 1.7.0)
      sneakers

GIT
  remote: https://github.com/dchbx/openhbx_cv2.git
  revision: b2b71b74190f75c23098634fe609dbd6a14050e7
  branch: master
  specs:
    openhbx_cv2 (0.0.1)
      activesupport (>= 3.2)
      nokogiri-happymapper (~> 0.5)

GIT
  remote: https://github.com/harshared/simple_calendar.git
  revision: 109781178efa26c89ba51efa496bca29bc70a565
  specs:
    simple_calendar (2.2.5)
      rails (>= 3.0)

GIT
  remote: https://github.com/ideacrew/resource_registry.git
  revision: a62fbdf9f5d96ad70af6d69b85d4a269827a3a59
  branch: master
  specs:
    resource_registry (0.3.0)
      bootsnap (~> 1.0)
      dry-auto_inject (~> 0.6)
      dry-container (~> 0.7)
      dry-core (~> 0.4)
      dry-equalizer (~> 0.2)
      dry-inflector (~> 0.1)
      dry-initializer (~> 3.0)
      dry-matcher (~> 0.7)
      dry-monads (~> 1.2)
      dry-struct (~> 1.0)
      dry-system (~> 0.12)
      dry-transaction (~> 0.13)
      dry-types (~> 1.0)
      dry-validation (~> 1.2)
      i18n (~> 1.6)
      mime-types
      ox (~> 2.0)

GIT
  remote: https://github.com/prawnpdf/prawn.git
  revision: 8028ca0cd2aae8c72df9fc4bf16388948423bcb2
  ref: 8028ca0cd2
  specs:
    prawn (1.0.0.rc2)
      afm
      pdf-reader (~> 1.2)
      ruby-rc4
      ttfunk (~> 1.0.3)

PATH
  remote: components/benefit_markets
  specs:
    benefit_markets (0.0.1)
      aasm (~> 4.8)
      active_model_serializers (~> 0.10)
      config (~> 2.0)
      dry-monads
      dry-struct
      dry-types
      dry-validation
      language_list (~> 1)
      money-rails (~> 1.13)
      mongoid (~> 7.0.2)
      pundit (~> 2.0)
      rails (~> 5.2.3)
      slim (~> 3.0)
      symmetric-encryption (~> 3.9.1)
      virtus (~> 1.0)

PATH
  remote: components/benefit_sponsors
  specs:
    benefit_sponsors (0.0.1)
      aasm (~> 4.8)
      active_model_serializers (~> 0.10)
      config (~> 2.0)
      devise (~> 4.5)
      dry-auto_inject (= 0.6.1)
      dry-container
      dry-initializer
      dry-monads
      dry-schema (~> 1.0)
      dry-struct
      dry-types
      dry-validation (~> 1.0)
      interactor (~> 3.0)
      interactor-rails (~> 2.2)
      language_list (~> 1)
      mail
      money-rails (~> 1.13)
      mongoid (~> 7.0.2)
      mongoid-autoinc (~> 6.0)
      pundit (~> 2.0)
      roo (~> 2.1)
      slim (~> 3.0)
      symmetric-encryption (~> 3.9.1)
      virtus (~> 1.0)
      webpacker (~> 4.0.2)

PATH
  remote: components/notifier
  specs:
    notifier (0.0.1)
      aasm (~> 4.8)
      ckeditor (= 4.2.4)
      combine_pdf
      config
      curl
      money-rails (~> 1.13)
      mongoid (~> 7.0.2)
      non-stupid-digest-assets
      rails (~> 5.2.3)
      redcarpet (~> 3.4.0)
      roo (~> 2.1.0)
      slim (= 3.0.9)
      virtus (~> 1.0.5)
      wicked_pdf (= 1.1.0)
      wkhtmltopdf-binary-edge (~> 0.12.3.0)

PATH
  remote: components/sponsored_benefits
  specs:
    sponsored_benefits (0.0.1)
      aasm (~> 4.8.0)
      config (~> 2.0)
      devise (~> 4.5)
      ffi (~> 1.9)
      kaminari (~> 0.17.0)
      mongoid (~> 7.0.2)
      pundit (~> 2.0)
      rails (~> 5.2.3)
      roo (~> 2.1.0)
      sass (~> 3.7.3)
      slim (~> 3.0.8)
      symmetric-encryption (~> 3.9.1)
      webpacker (~> 4.0.2)

PATH
  remote: components/transport_gateway
  specs:
    transport_gateway (0.0.1)
      aws-sdk (~> 2.2.4)
      net-sftp (~> 2.1, >= 2.1.2)
      net-ssh (= 4.2.0)
      rails (>= 5.2.3)

PATH
  remote: components/transport_profiles
  specs:
    transport_profiles (0.0.1)
      mongoid (~> 7.0.2)
      rails (= 5.2.3)
      rubyzip (>= 1.2.1)
      symmetric-encryption (~> 3.9.1)
      transport_gateway

PATH
  remote: project_gems/effective_datatables-2.6.14
  specs:
    effective_datatables (2.6.14)
      coffee-rails
      haml-rails
      kaminari
      rails (>= 3.2.0)
      sass-rails
      simple_form

PATH
  remote: project_gems/mongoid_userstamp-0.4.0
  specs:
    mongoid_userstamp (0.4.0)
      mongoid (>= 3.0.4)

GEM
  remote: https://rubygems.org/
  specs:
    Ascii85 (1.0.3)
    aasm (4.8.0)
    action_mailer_cache_delivery (0.3.7)
      actionmailer (>= 3.0)
    actioncable (5.2.3)
      actionpack (= 5.2.3)
      nio4r (~> 2.0)
      websocket-driver (>= 0.6.1)
    actionmailer (5.2.3)
      actionpack (= 5.2.3)
      actionview (= 5.2.3)
      activejob (= 5.2.3)
      mail (~> 2.5, >= 2.5.4)
      rails-dom-testing (~> 2.0)
    actionpack (5.2.3)
      actionview (= 5.2.3)
      activesupport (= 5.2.3)
      rack (~> 2.0)
      rack-test (>= 0.6.3)
      rails-dom-testing (~> 2.0)
      rails-html-sanitizer (~> 1.0, >= 1.0.2)
    actionview (5.2.3)
      activesupport (= 5.2.3)
      builder (~> 3.1)
      erubi (~> 1.4)
      rails-dom-testing (~> 2.0)
      rails-html-sanitizer (~> 1.0, >= 1.0.3)
    active_model_serializers (0.10.10)
      actionpack (>= 4.1, < 6.1)
      activemodel (>= 4.1, < 6.1)
      case_transform (>= 0.2)
      jsonapi-renderer (>= 0.1.1.beta1, < 0.3)
    activejob (5.2.3)
      activesupport (= 5.2.3)
      globalid (>= 0.3.6)
    activemodel (5.2.3)
      activesupport (= 5.2.3)
    activerecord (5.2.3)
      activemodel (= 5.2.3)
      activesupport (= 5.2.3)
      arel (>= 9.0)
    activestorage (5.2.3)
      actionpack (= 5.2.3)
      activerecord (= 5.2.3)
      marcel (~> 0.3.1)
    activesupport (5.2.3)
      concurrent-ruby (~> 1.0, >= 1.0.2)
      i18n (>= 0.7, < 2)
      minitest (~> 5.1)
      tzinfo (~> 1.1)
    addressable (2.6.0)
      public_suffix (>= 2.0.2, < 4.0)
    afm (0.2.2)
    airbrussh (1.3.1)
      sshkit (>= 1.6.1, != 1.7.0)
    amq-protocol (1.9.2)
    animate-rails (1.0.10)
      rails
    arel (9.0.0)
    ast (2.4.0)
    awesome_print (1.8.0)
    aws-sdk (2.2.37)
      aws-sdk-resources (= 2.2.37)
    aws-sdk-core (2.2.37)
      jmespath (~> 1.0)
    aws-sdk-resources (2.2.37)
      aws-sdk-core (= 2.2.37)
    axiom-types (0.1.1)
      descendants_tracker (~> 0.0.4)
      ice_nine (~> 0.11.0)
      thread_safe (~> 0.3, >= 0.3.1)
    backports (3.15.0)
    bcrypt (3.1.13)
    benchmark-malloc (0.1.0)
    benchmark-perf (0.5.0)
    benchmark-trend (0.3.0)
    bindex (0.7.0)
    bootsnap (1.4.4)
      msgpack (~> 1.0)
    bson (4.5.0)
    builder (3.2.3)
    bunny (1.7.1)
      amq-protocol (~> 1.9.2)
    capistrano (3.11.0)
      airbrussh (>= 1.0.0)
      i18n
      rake (>= 10.0.0)
      sshkit (>= 1.9.0)
    capistrano-bundler (1.5.0)
      capistrano (~> 3.1)
    capistrano-rails (1.4.0)
      capistrano (~> 3.1)
      capistrano-bundler (~> 1.1)
    capybara (3.23.0)
      addressable
      mini_mime (>= 0.1.3)
      nokogiri (~> 1.8)
      rack (>= 1.6.0)
      rack-test (>= 0.6.3)
      regexp_parser (~> 1.5)
      xpath (~> 3.2)
    capybara-screenshot (1.0.23)
      capybara (>= 1.0, < 4)
      launchy
    carrierwave (1.3.1)
      activemodel (>= 4.0.0)
      activesupport (>= 4.0.0)
      mime-types (>= 1.16)
    carrierwave-mongoid (1.2.0)
      carrierwave (>= 0.8, < 1.4)
      mongoid (>= 3.0, < 8.0)
      mongoid-grid_fs (>= 1.3, < 3.0)
    case_transform (0.2)
      activesupport
    celluloid (0.17.4)
      celluloid-essentials
      celluloid-extras
      celluloid-fsm
      celluloid-pool
      celluloid-supervision
      timers (>= 4.1.1)
    celluloid-essentials (0.20.5)
      timers (>= 4.1.1)
    celluloid-extras (0.20.5)
      timers (>= 4.1.1)
    celluloid-fsm (0.20.5)
      timers (>= 4.1.1)
    celluloid-io (0.17.3)
      celluloid (>= 0.17.2)
      nio4r (>= 1.1)
      timers (>= 4.1.1)
    celluloid-pool (0.20.5)
      timers (>= 4.1.1)
    celluloid-supervision (0.20.6)
      timers (>= 4.1.1)
    certified (1.0.0)
    childprocess (0.9.0)
      ffi (~> 1.0, >= 1.0.11)
    ckeditor (4.2.4)
      cocaine
      orm_adapter (~> 0.5.0)
    climate_control (0.2.0)
    cliver (0.3.2)
    cocaine (0.6.0)
      terrapin (= 0.6.0)
    coercible (1.0.0)
      descendants_tracker (~> 0.0.1)
    coffee-rails (4.2.2)
      coffee-script (>= 2.2.0)
      railties (>= 4.0.0)
    coffee-script (2.4.1)
      coffee-script-source
      execjs
    coffee-script-source (1.12.2)
    combine_pdf (1.0.16)
      ruby-rc4 (>= 0.1.5)
    concurrent-ruby (1.1.5)
      deep_merge (~> 1.2.1)
    config (2.0.0)
      activesupport (>= 4.2)
      deep_merge (~> 1.2, >= 1.2.1)
      dry-schema (~> 1.0)
    crack (0.4.3)
      safe_yaml (~> 1.0.0)
    crass (1.0.4)
    cucumber (3.1.2)
      builder (>= 2.1.2)
      cucumber-core (~> 3.2.0)
      cucumber-expressions (~> 6.0.1)
      cucumber-wire (~> 0.0.1)
      diff-lcs (~> 1.3)
      gherkin (~> 5.1.0)
      multi_json (>= 1.7.5, < 2.0)
      multi_test (>= 0.1.2)
    cucumber-core (3.2.1)
      backports (>= 3.8.0)
      cucumber-tag_expressions (~> 1.1.0)
      gherkin (~> 5.0)
    cucumber-expressions (6.0.1)
    cucumber-rails (1.7.0)
      capybara (>= 2.3.0, < 4)
      cucumber (>= 3.0.2, < 4)
      mime-types (>= 1.17, < 4)
      nokogiri (~> 1.8)
      railties (>= 4.2, < 7)
    cucumber-tag_expressions (1.1.1)
    cucumber-wire (0.0.1)
    curl (0.0.9)
      awesome_print (>= 0.2.1)
      unidecoder (>= 1.1.1)
    database_cleaner (1.7.0)
    deep_merge (1.2.1)
    descendants_tracker (0.0.4)
      thread_safe (~> 0.3, >= 0.3.1)
    devise (4.6.2)
      bcrypt (~> 3.0)
      orm_adapter (~> 0.1)
      railties (>= 4.1.0, < 6.0)
      responders
      warden (~> 1.2.3)
    diff-lcs (1.3)
    docile (1.3.1)
    dry-auto_inject (0.6.1)
      dry-container (>= 0.3.4)
    dry-configurable (0.8.3)
      concurrent-ruby (~> 1.0)
      dry-core (~> 0.4, >= 0.4.7)
    dry-container (0.7.2)
      concurrent-ruby (~> 1.0)
      dry-configurable (~> 0.1, >= 0.1.3)
    dry-core (0.4.9)
      concurrent-ruby (~> 1.0)
    dry-equalizer (0.2.2)
    dry-events (0.2.0)
      concurrent-ruby (~> 1.0)
      dry-core (~> 0.4)
      dry-equalizer (~> 0.2)
    dry-inflector (0.1.2)
    dry-initializer (3.0.1)
    dry-logic (1.0.3)
      concurrent-ruby (~> 1.0)
      dry-core (~> 0.2)
      dry-equalizer (~> 0.2)
    dry-matcher (0.8.1)
      dry-core (>= 0.4.7)
    dry-monads (1.3.0)
      concurrent-ruby (~> 1.0)
      dry-core (~> 0.4, >= 0.4.4)
      dry-equalizer
    dry-schema (1.3.3)
      concurrent-ruby (~> 1.0)
      dry-configurable (~> 0.8, >= 0.8.3)
      dry-core (~> 0.4)
      dry-equalizer (~> 0.2)
      dry-initializer (~> 3.0)
      dry-logic (~> 1.0)
      dry-types (~> 1.0)
    dry-struct (1.0.0)
      dry-core (~> 0.4, >= 0.4.3)
      dry-equalizer (~> 0.2)
      dry-types (~> 1.0)
      ice_nine (~> 0.11)
    dry-system (0.12.0)
      concurrent-ruby (~> 1.0)
      dry-auto_inject (>= 0.4.0)
      dry-configurable (~> 0.7, >= 0.7.0)
      dry-container (~> 0.7)
      dry-core (>= 0.3.1)
      dry-equalizer (~> 0.2)
      dry-inflector (~> 0.1, >= 0.1.2)
      dry-struct (~> 1.0)
    dry-transaction (0.13.0)
      dry-container (>= 0.2.8)
      dry-events (>= 0.1.0)
      dry-matcher (>= 0.7.0)
      dry-monads (>= 0.4.0)
    dry-types (1.1.1)
      concurrent-ruby (~> 1.0)
      dry-container (~> 0.3)
      dry-core (~> 0.4, >= 0.4.4)
      dry-equalizer (~> 0.2, >= 0.2.2)
      dry-inflector (~> 0.1, >= 0.1.2)
      dry-logic (~> 1.0, >= 1.0.2)
    dry-validation (1.3.1)
      concurrent-ruby (~> 1.0)
      dry-container (~> 0.7, >= 0.7.1)
      dry-core (~> 0.4)
      dry-equalizer (~> 0.2)
      dry-initializer (~> 3.0)
      dry-schema (~> 1.0, >= 1.3.1)
    easy_diff (1.0.0)
    email_spec (2.2.0)
      htmlentities (~> 4.3.3)
      launchy (~> 2.1)
      mail (~> 2.7)
    equalizer (0.0.11)
    erubi (1.8.0)
    erubis (2.7.0)
    execjs (2.7.0)
    eye (0.8)
      celluloid (~> 0.17.2)
      celluloid-io (~> 0.17.0)
      sigar (~> 0.7.3)
      state_machine
      thor
    factory_bot (4.11.1)
      activesupport (>= 3.0.0)
    factory_bot_rails (4.11.1)
      factory_bot (~> 4.11.1)
      railties (>= 3.0.0)
    fakeredis (0.7.0)
      redis (>= 3.2, < 5.0)
    fast_jsonapi (1.5)
      activesupport (>= 4.2)
    ffi (1.9.25)
    forgery (0.7.0)
    gherkin (5.1.0)
    globalid (0.4.2)
      activesupport (>= 4.2.0)
    haml (5.1.1)
      temple (>= 0.8.0)
      tilt
    haml-rails (2.0.1)
      actionpack (>= 5.1)
      activesupport (>= 5.1)
      haml (>= 4.0.6, < 6.0)
      html2haml (>= 1.0.1)
      railties (>= 5.1)
    hashdiff (0.4.0)
    hashery (2.1.2)
    html2haml (2.2.0)
      erubis (~> 2.7.0)
      haml (>= 4.0, < 6)
      nokogiri (>= 1.6.0)
      ruby_parser (~> 3.5)
    htmlentities (4.3.4)
    httparty (0.17.0)
      mime-types (~> 3.0)
      multi_xml (>= 0.5.2)
    i18n (1.6.0)
      concurrent-ruby (~> 1.0)
    ice_cube (0.16.3)
    ice_nine (0.11.2)
    iniparse (1.4.4)
    interactor (3.1.1)
    interactor-rails (2.2.0)
      interactor (~> 3.0)
      rails (>= 4.2, < 5.3)
    jaro_winkler (1.5.2)
    jbuilder (2.9.1)
      activesupport (>= 4.2.0)
    jmespath (1.4.0)
    jquery-rails (4.3.3)
      rails-dom-testing (>= 1, < 3)
      railties (>= 4.2.0)
      thor (>= 0.14, < 2.0)
    json (2.2.0)
    jsonapi-renderer (0.2.2)
    kaminari (0.17.0)
      actionpack (>= 3.0.0)
      activesupport (>= 3.0.0)
    kgio (2.11.2)
    language_list (1.2.1)
    launchy (2.4.3)
      addressable (~> 2.3)
    listen (3.1.5)
      rb-fsevent (~> 0.9, >= 0.9.4)
      rb-inotify (~> 0.9, >= 0.9.7)
      ruby_dep (~> 1.2)
    loofah (2.2.3)
      crass (~> 1.0.2)
      nokogiri (>= 1.5.9)
    mail (2.7.1)
      mini_mime (>= 0.1.1)
    marcel (0.3.3)
      mimemagic (~> 0.3.2)
    maskedinput-rails (1.4.1.0)
    method_source (0.9.2)
    mime-types (3.2.2)
      mime-types-data (~> 3.2015)
    mime-types-data (3.2019.0331)
    mimemagic (0.3.3)
    mini_mime (1.0.1)
    mini_portile2 (2.4.0)
    minitest (5.11.3)
    monetize (1.9.1)
      money (~> 6.12)
    money (6.13.4)
      i18n (>= 0.6.4, <= 2)
    money-rails (1.13.2)
      activesupport (>= 3.0)
      monetize (~> 1.9.0)
      money (~> 6.13.2)
      railties (>= 3.0)
    mongo (2.8.0)
      bson (>= 4.4.2, < 5.0.0)
    mongo_session_store (3.2.0)
      actionpack (>= 4.0)
      mongo (~> 2.0)
    mongoid (7.0.2)
      activemodel (>= 5.1, < 6.0.0)
      mongo (>= 2.5.1, < 3.0.0)
    mongoid-autoinc (6.0.3)
      mongoid (>= 6.0, < 8.0)
    mongoid-compatibility (0.5.1)
      activesupport
      mongoid (>= 2.0)
    mongoid-grid_fs (2.4.0)
      mime-types (>= 1.0, < 4.0)
      mongoid (>= 3.0, < 8.0)
    mongoid-history (0.8.1)
      activesupport
      easy_diff
      mongoid (>= 3.0)
      mongoid-compatibility (>= 0.5.1)
    mongoid-rspec (4.0.1)
      activesupport (>= 3.0.0)
      mongoid (>= 3.1)
      mongoid-compatibility (>= 0.5.1)
      rspec (~> 3.3)
    mongoid_rails_migrations (1.2.1)
      activesupport (>= 4.2.0)
      bundler (>= 1.0.0)
      mongoid (>= 4.0.0)
      rails (>= 4.2.0)
      railties (>= 4.2.0)
    mono_logger (1.1.0)
    msgpack (1.2.10)
    multi_json (1.13.1)
    multi_test (0.1.2)
    multi_xml (0.6.0)
    mustermann (1.0.3)
    net-scp (2.0.0)
      net-ssh (>= 2.6.5, < 6.0.0)
    net-sftp (2.1.2)
      net-ssh (>= 2.6.5)
    net-ssh (4.2.0)
    newrelic_rpm (5.7.0.350)
    nio4r (2.3.1)
    nokogiri (1.10.3)
      mini_portile2 (~> 2.4.0)
    nokogiri-happymapper (0.8.1)
      nokogiri (~> 1.5)
    non-stupid-digest-assets (1.0.9)
      sprockets (>= 2.0)
    orm_adapter (0.5.0)
    overcommit (0.48.1)
      childprocess (~> 0.6, >= 0.6.3)
      iniparse (~> 1.4)
    ox (2.11.0)
    parallel (1.17.0)
    parallel_tests (2.26.2)
      parallel
    parser (2.6.3.0)
      ast (~> 2.4.0)
    pdf-reader (1.4.1)
      Ascii85 (~> 1.0.0)
      afm (~> 0.2.1)
      hashery (~> 2.0)
      ruby-rc4
      ttfunk
    poltergeist (1.18.1)
      capybara (>= 2.1, < 4)
      cliver (~> 0.3.1)
      websocket-driver (>= 0.2.0)
    public_suffix (3.1.0)
    puma (3.12.1)
    pundit (2.0.1)
      activesupport (>= 3.0.0)
    rack (2.0.7)
    rack-protection (2.0.5)
      rack
    rack-proxy (0.6.5)
      rack
    rack-test (1.1.0)
      rack (>= 1.0, < 3)
    railroady (1.5.3)
    rails (5.2.3)
      actioncable (= 5.2.3)
      actionmailer (= 5.2.3)
      actionpack (= 5.2.3)
      actionview (= 5.2.3)
      activejob (= 5.2.3)
      activemodel (= 5.2.3)
      activerecord (= 5.2.3)
      activestorage (= 5.2.3)
      activesupport (= 5.2.3)
      bundler (>= 1.3.0)
      railties (= 5.2.3)
      sprockets-rails (>= 2.0.0)
    rails-controller-testing (1.0.4)
      actionpack (>= 5.0.1.x)
      actionview (>= 5.0.1.x)
      activesupport (>= 5.0.1.x)
    rails-dom-testing (2.0.3)
      activesupport (>= 4.2.0)
      nokogiri (>= 1.6)
    rails-html-sanitizer (1.0.4)
      loofah (~> 2.2, >= 2.2.2)
    railties (5.2.3)
      actionpack (= 5.2.3)
      activesupport (= 5.2.3)
      method_source
      rake (>= 0.8.7)
      thor (>= 0.19.0, < 2.0)
    rainbow (3.0.0)
    raindrops (0.19.0)
    rake (12.3.2)
    rb-fsevent (0.10.3)
    rb-inotify (0.10.0)
      ffi (~> 1.0)
    rdoc (6.1.1)
    recaptcha (4.14.0)
      json
    recurring_select (2.1.0)
      coffee-rails (>= 3.1)
      ice_cube (>= 0.11)
      jquery-rails (>= 3.0)
      rails (>= 3.2)
      sass-rails (>= 4.0)
    redcarpet (3.4.0)
    redis (4.1.2)
    redis-actionpack (5.0.2)
      actionpack (>= 4.0, < 6)
      redis-rack (>= 1, < 3)
      redis-store (>= 1.1.0, < 2)
    redis-activesupport (5.0.7)
      activesupport (>= 3, < 6)
      redis-store (>= 1.3, < 2)
    redis-namespace (1.6.0)
      redis (>= 3.0.4)
    redis-rack (2.0.5)
      rack (>= 1.5, < 3)
      redis-store (>= 1.2, < 2)
    redis-rails (5.0.2)
      redis-actionpack (>= 5.0, < 6)
      redis-activesupport (>= 5.0, < 6)
      redis-store (>= 1.2, < 2)
    redis-store (1.6.0)
      redis (>= 2.2, < 5)
    regexp_parser (1.5.1)
    responders (2.4.1)
      actionpack (>= 4.2.0, < 6.0)
      railties (>= 4.2.0, < 6.0)
    resque (2.0.0)
      mono_logger (~> 1.0)
      multi_json (~> 1.0)
      redis-namespace (~> 1.6)
      sinatra (>= 0.9.2)
      vegas (~> 0.1.2)
    roo (2.1.1)
      nokogiri (~> 1)
      rubyzip (~> 1.1, < 2.0.0)
    rspec (3.8.0)
      rspec-core (~> 3.8.0)
      rspec-expectations (~> 3.8.0)
      rspec-mocks (~> 3.8.0)
    rspec-benchmark (0.5.0)
      benchmark-malloc (~> 0.1.0)
      benchmark-perf (~> 0.5.0)
      benchmark-trend (~> 0.3.0)
      rspec (>= 3.0.0, < 4.0.0)
    rspec-core (3.8.0)
      rspec-support (~> 3.8.0)
    rspec-expectations (3.8.4)
      diff-lcs (>= 1.2.0, < 2.0)
      rspec-support (~> 3.8.0)
    rspec-instafail (1.0.0)
      rspec
    rspec-mocks (3.8.0)
      diff-lcs (>= 1.2.0, < 2.0)
      rspec-support (~> 3.8.0)
    rspec-rails (3.8.2)
      actionpack (>= 3.0)
      activesupport (>= 3.0)
      railties (>= 3.0)
      rspec-core (~> 3.8.0)
      rspec-expectations (~> 3.8.0)
      rspec-mocks (~> 3.8.0)
      rspec-support (~> 3.8.0)
    rspec-support (3.8.2)
    rspec_junit_formatter (0.4.1)
      rspec-core (>= 2, < 4, != 2.12.0)
    rubocop (0.71.0)
      jaro_winkler (~> 1.5.1)
      parallel (~> 1.10)
      parser (>= 2.6)
      rainbow (>= 2.2.2, < 4.0)
      ruby-progressbar (~> 1.7)
      unicode-display_width (>= 1.4.0, < 1.7)
    rubocop-git (0.1.3)
      rubocop (>= 0.24.1)
    rubocop-rspec (1.33.0)
      rubocop (>= 0.60.0)
    ruby-progressbar (1.10.1)
    ruby-rc4 (0.1.5)
    ruby-saml (1.10.2)
      nokogiri (>= 1.5.10)
    ruby_dep (1.5.0)
    ruby_parser (3.13.1)
      sexp_processor (~> 4.9)
    rubyzip (1.2.3)
    safe_yaml (1.0.5)
    sass (3.7.4)
      sass-listen (~> 4.0.0)
    sass-listen (4.0.0)
      rb-fsevent (~> 0.9, >= 0.9.4)
      rb-inotify (~> 0.9, >= 0.9.7)
    sass-rails (5.0.7)
      railties (>= 4.0.0, < 6)
      sass (~> 3.1)
      sprockets (>= 2.8, < 4.0)
      sprockets-rails (>= 2.0, < 4.0)
      tilt (>= 1.1, < 3)
    sassc (1.12.1)
      ffi (~> 1.9.6)
      sass (>= 3.3.0)
    sdoc (1.0.0)
      rdoc (>= 5.0)
    selenium-webdriver (3.142.3)
      childprocess (>= 0.5, < 2.0)
      rubyzip (~> 1.2, >= 1.2.2)
    serverengine (1.5.11)
      sigdump (~> 0.2.2)
    sexp_processor (4.12.1)
    shoulda-matchers (3.1.3)
      activesupport (>= 4.0.0)
    sigar (0.7.3)
    sigdump (0.2.4)
    simple_form (4.1.0)
      actionpack (>= 5.0)
      activemodel (>= 5.0)
    simplecov (0.16.1)
      docile (~> 1.1)
      json (>= 1.8, < 3)
      simplecov-html (~> 0.10.0)
    simplecov-html (0.10.2)
    sinatra (2.0.5)
      mustermann (~> 1.0)
      rack (~> 2.0)
      rack-protection (= 2.0.5)
      tilt (~> 2.0)
    slim (3.0.9)
      temple (>= 0.7.6, < 0.9)
      tilt (>= 1.3.3, < 2.1)
    slim-rails (3.2.0)
      actionpack (>= 3.1)
      railties (>= 3.1)
      slim (>= 3.0, < 5.0)
    sneakers (1.1.2)
      bunny (>= 1.7.0, <= 2.0.0)
      serverengine (~> 1.5.5)
      thor
      thread (~> 0.1.7)
    spring (1.7.2)
    spring-watcher-listen (2.0.1)
      listen (>= 2.7, < 4.0)
      spring (>= 1.2, < 3.0)
    sprockets (3.7.2)
      concurrent-ruby (~> 1.0)
      rack (> 1, < 3)
    sprockets-rails (3.2.1)
      actionpack (>= 4.0)
      activesupport (>= 4.0)
      sprockets (>= 3.0.0)
    sshkit (1.18.2)
      net-scp (>= 1.1.2)
      net-ssh (>= 2.8.0)
    state_machine (1.2.0)
    symmetric-encryption (3.9.1)
      coercible (~> 1.0)
    temple (0.8.1)
    terrapin (0.6.0)
      climate_control (>= 0.0.3, < 1.0)
    test-prof (0.5.0)
    thor (0.20.3)
    thread (0.1.7)
    thread_safe (0.3.6)
    tilt (2.0.9)
    timers (4.3.0)
    ttfunk (1.0.3)
    turbolinks (5.2.0)
      turbolinks-source (~> 5.2)
    turbolinks-source (5.2.0)
    tzinfo (1.2.5)
      thread_safe (~> 0.1)
    uglifier (4.1.20)
      execjs (>= 0.3.0, < 3)
    unicode-display_width (1.6.0)
    unicorn (4.9.0)
      kgio (~> 2.6)
      rack
      raindrops (~> 0.7)
    unidecoder (1.1.2)
    vegas (0.1.11)
      rack (>= 1.0.0)
    virtus (1.0.5)
      axiom-types (~> 0.1)
      coercible (~> 1.0)
      descendants_tracker (~> 0.0, >= 0.0.3)
      equalizer (~> 0.0, >= 0.0.9)
    warden (1.2.8)
      rack (>= 2.0.6)
    watir (6.10.3)
      selenium-webdriver (~> 3.4, >= 3.4.1)
    web-console (3.7.0)
      actionview (>= 5.0)
      activemodel (>= 5.0)
      bindex (>= 0.4.0)
      railties (>= 5.0)
    webdrivers (3.9.4)
      nokogiri (~> 1.6)
      rubyzip (~> 1.0)
      selenium-webdriver (~> 3.0)
    webmock (3.0.1)
      addressable (>= 2.3.6)
      crack (>= 0.3.2)
      hashdiff
    webpacker (4.0.7)
      activesupport (>= 4.2)
      rack-proxy (>= 0.6.1)
      railties (>= 4.2)
    websocket-driver (0.7.1)
      websocket-extensions (>= 0.1.0)
    websocket-extensions (0.1.4)
    wicked_pdf (1.1.0)
    wkhtmltopdf-binary-edge (0.12.3.0)
    xpath (3.2.0)
      nokogiri (~> 1.8)
    yard (0.9.19)
    yard-mongoid (0.1.0)
      yard (>= 0.8.4)

PLATFORMS
  ruby

DEPENDENCIES
  aasm (~> 4.8)
  acapi!
  action_mailer_cache_delivery (~> 0.3)
  addressable (~> 2.3)
  animate-rails (~> 1.0.10)
  aws-sdk (~> 2.2.4)
  bcrypt (~> 3.1)
  benefit_markets!
  benefit_sponsors!
  bootsnap (>= 1.1)
  bson (~> 4.3)
  capistrano (~> 3.1)
  capistrano-rails (= 1.4)
  capybara (~> 3.12)
  capybara-screenshot (~> 1.0.18)
  carrierwave-mongoid (~> 1.2)
  certified (~> 1)
  ckeditor (~> 4.2.4)
  climate_control (~> 0.2.0)
  coffee-rails (~> 4.2.2)
  combine_pdf (~> 1.0)
  config (~> 2.0)
  cucumber (~> 3)
  cucumber-rails (~> 1.6)
  curl (~> 0.0.9)
  database_cleaner (~> 1.7)
  devise (~> 4.5)
  effective_datatables!
  email_spec (~> 2)
  eye (= 0.8)
  factory_bot_rails (~> 4.11)
  fakeredis (~> 0.7.0)
  fast_jsonapi
  forgery (~> 0.7.0)
  haml (~> 5.0)
  httparty (~> 0.16)
  i18n (~> 1.5)
  interactor (~> 3.0)
  interactor-rails (~> 2.2)
  jbuilder (~> 2.7)
  jquery-rails (~> 4.3)
  kaminari (~> 0.17)
  language_list (~> 1)
  listen (>= 3.0.5, < 3.2)
  mail (~> 2.7)
  maskedinput-rails (~> 1.4)
  money-rails (~> 1.13)
  mongo (~> 2.6)
  mongo_session_store (~> 3.1)
  mongoid (~> 7.0.2)
  mongoid-autoinc (~> 6.0)
  mongoid-history (~> 0.8)
  mongoid-rspec (~> 4)
  mongoid_rails_migrations (~> 1.2)
  mongoid_userstamp (~> 0.4)!
  net-ssh (= 4.2.0)
  newrelic_rpm (~> 5.0)
  nokogiri (~> 1.10)
  nokogiri-happymapper (~> 0.8.0)
  non-stupid-digest-assets
  notifier!
  openhbx_cv2!
  overcommit (~> 0.47)
  parallel_tests (~> 2.26.2)
  poltergeist (~> 1.18.0)
  prawn!
  puma (~> 3.11)
  pundit (~> 2.0)
  railroady (~> 1.5.3)
  rails (~> 5.2.3)
  rails-controller-testing
  recaptcha (~> 4.13)
  recurring_select
  redcarpet (~> 3.4)
  redis (~> 4.0)
  redis-rails (~> 5.0.2)
  resource_registry!
  resque (~> 2.0)
  roo (~> 2.1)
  rspec-benchmark
  rspec-instafail (~> 1)
  rspec-rails
  rspec_junit_formatter
  rubocop
  rubocop-git
  rubocop-rspec
  ruby-progressbar (~> 1)
  ruby-saml (~> 1.3)
  sass-rails (~> 5)
  sassc (~> 1.12)
  sdoc (~> 1.0)
  shoulda-matchers (~> 3)
  simple_calendar!
  simplecov (~> 0.14)
  slim (~> 3.0)
  slim-rails (~> 3.2)
  sponsored_benefits!
  spring (~> 1.6)
  spring-watcher-listen (~> 2.0)
  symmetric-encryption (~> 3.9.1)
  test-prof (~> 0.5.0)
  transport_gateway!
  transport_profiles!
  turbolinks (~> 5)
  uglifier (>= 4)
  unicorn (~> 4.8)
  virtus (~> 1.0)
  warden (~> 1.2.7)
  watir (~> 6.10.3)
  web-console (>= 3)
  webdrivers (~> 3.0)
  webmock (~> 3.0.1)
  webpacker (~> 4.0.2)
  wicked_pdf (~> 1.1.0)
  wkhtmltopdf-binary-edge (~> 0.12.3.0)
  yard (~> 0.9.12)
  yard-mongoid (~> 0.1)

RUBY VERSION
   ruby 2.5.1p57

BUNDLED WITH
   2.0.1
