PATH
  remote: .
  specs:
    transport_gateway (0.0.1)
      aws-sdk (~> 2.2.4)
      net-sftp (~> 2.1, >= 2.1.2)
      net-ssh (= 4.2.0)
      rails (~> 5.2.4.3)

GEM
  remote: https://rubygems.org/
  specs:
    actioncable (5.2.4.4)
      actionpack (= 5.2.4.4)
      nio4r (~> 2.0)
      websocket-driver (>= 0.6.1)
    actionmailer (5.2.4.4)
      actionpack (= 5.2.4.4)
      actionview (= 5.2.4.4)
      activejob (= 5.2.4.4)
      mail (~> 2.5, >= 2.5.4)
      rails-dom-testing (~> 2.0)
    actionpack (5.2.4.4)
      actionview (= 5.2.4.4)
      activesupport (= 5.2.4.4)
      rack (~> 2.0, >= 2.0.8)
      rack-test (>= 0.6.3)
      rails-dom-testing (~> 2.0)
      rails-html-sanitizer (~> 1.0, >= 1.0.2)
    actionview (5.2.4.4)
      activesupport (= 5.2.4.4)
      builder (~> 3.1)
      erubi (~> 1.4)
      rails-dom-testing (~> 2.0)
      rails-html-sanitizer (~> 1.0, >= 1.0.3)
    activejob (5.2.4.4)
      activesupport (= 5.2.4.4)
      globalid (>= 0.3.6)
    activemodel (5.2.4.4)
      activesupport (= 5.2.4.4)
    activerecord (5.2.4.4)
      activemodel (= 5.2.4.4)
      activesupport (= 5.2.4.4)
      arel (>= 9.0)
    activestorage (5.2.4.4)
      actionpack (= 5.2.4.4)
      activerecord (= 5.2.4.4)
      marcel (~> 0.3.1)
    activesupport (5.2.4.4)
      concurrent-ruby (~> 1.0, >= 1.0.2)
<<<<<<< HEAD
      i18n (>= 1.6, < 2)
      minitest (>= 5.1)
      tzinfo (~> 2.0)
      zeitwerk (~> 2.3)
<<<<<<< HEAD
<<<<<<< HEAD
    addressable (2.7.0)
      public_suffix (>= 2.0.2, < 5.0)
=======
    addressable (2.6.0)
      public_suffix (>= 2.0.2, < 4.0)
>>>>>>> ruby-2.7.1 and rails-6.0 upgrade
=======
    addressable (2.7.0)
      public_suffix (>= 2.0.2, < 5.0)
>>>>>>> updated gems and changed as_json to serializable_hash
=======
      i18n (>= 0.7, < 2)
      minitest (~> 5.1)
      tzinfo (~> 1.1)
    addressable (2.6.0)
      public_suffix (>= 2.0.2, < 4.0)
    arel (9.0.0)
>>>>>>> REFS Maintenance - Begins toggle between rails 5 and 6
    aws-sdk (2.2.37)
      aws-sdk-resources (= 2.2.37)
    aws-sdk-core (2.2.37)
      jmespath (~> 1.0)
    aws-sdk-resources (2.2.37)
      aws-sdk-core (= 2.2.37)
    builder (3.2.4)
<<<<<<< HEAD
    concurrent-ruby (1.1.8)
<<<<<<< HEAD
<<<<<<< HEAD
    crack (0.4.5)
      rexml
=======
    crack (0.4.3)
      safe_yaml (~> 1.0.0)
>>>>>>> ruby-2.7.1 and rails-6.0 upgrade
=======
    crack (0.4.5)
      rexml
>>>>>>> updated gems and changed as_json to serializable_hash
=======
    concurrent-ruby (1.1.7)
    crack (0.4.3)
      safe_yaml (~> 1.0.0)
>>>>>>> REFS Maintenance - Begins toggle between rails 5 and 6
    crass (1.0.6)
    diff-lcs (1.3)
    erubi (1.10.0)
    globalid (0.4.2)
      activesupport (>= 4.2.0)
<<<<<<< HEAD
<<<<<<< HEAD
<<<<<<< HEAD
    hashdiff (1.0.1)
=======
    hashdiff (0.3.8)
>>>>>>> ruby-2.7.1 and rails-6.0 upgrade
=======
    hashdiff (1.0.1)
>>>>>>> updated gems and changed as_json to serializable_hash
    i18n (1.8.7)
=======
    hashdiff (0.3.8)
    i18n (1.8.5)
>>>>>>> REFS Maintenance - Begins toggle between rails 5 and 6
      concurrent-ruby (~> 1.0)
    jmespath (1.4.0)
    loofah (2.8.0)
      crass (~> 1.0.2)
      nokogiri (>= 1.5.9)
    mail (2.7.1)
      mini_mime (>= 0.1.1)
    marcel (0.3.3)
      mimemagic (~> 0.3.2)
    method_source (1.0.0)
    mimemagic (0.3.5)
    mini_mime (1.0.2)
    mini_portile2 (2.4.0)
    minitest (5.14.2)
    net-sftp (2.1.2)
      net-ssh (>= 2.6.5)
    net-ssh (4.2.0)
    nio4r (2.5.4)
<<<<<<< HEAD
    nokogiri (1.11.1)
      mini_portile2 (~> 2.5.0)
      racc (~> 1.4)
<<<<<<< HEAD
<<<<<<< HEAD
    public_suffix (4.0.6)
=======
    public_suffix (3.0.3)
>>>>>>> ruby-2.7.1 and rails-6.0 upgrade
=======
    public_suffix (4.0.6)
>>>>>>> updated gems and changed as_json to serializable_hash
    racc (1.5.2)
=======
    nokogiri (1.10.10)
      mini_portile2 (~> 2.4.0)
    public_suffix (3.0.3)
>>>>>>> REFS Maintenance - Begins toggle between rails 5 and 6
    rack (2.2.3)
    rack-test (1.1.0)
      rack (>= 1.0, < 3)
    rails (5.2.4.4)
      actioncable (= 5.2.4.4)
      actionmailer (= 5.2.4.4)
      actionpack (= 5.2.4.4)
      actionview (= 5.2.4.4)
      activejob (= 5.2.4.4)
      activemodel (= 5.2.4.4)
      activerecord (= 5.2.4.4)
      activestorage (= 5.2.4.4)
      activesupport (= 5.2.4.4)
      bundler (>= 1.3.0)
      railties (= 5.2.4.4)
      sprockets-rails (>= 2.0.0)
    rails-dom-testing (2.0.3)
      activesupport (>= 4.2.0)
      nokogiri (>= 1.6)
    rails-html-sanitizer (1.3.0)
      loofah (~> 2.3)
    railties (5.2.4.4)
      actionpack (= 5.2.4.4)
      activesupport (= 5.2.4.4)
      method_source
      rake (>= 0.8.7)
      thor (>= 0.19.0, < 2.0)
    rake (13.0.3)
    rspec (3.8.0)
      rspec-core (~> 3.8.0)
      rspec-expectations (~> 3.8.0)
      rspec-mocks (~> 3.8.0)
    rspec-core (3.8.0)
      rspec-support (~> 3.8.0)
    rspec-expectations (3.8.2)
      diff-lcs (>= 1.2.0, < 2.0)
      rspec-support (~> 3.8.0)
    rspec-mocks (3.8.0)
      diff-lcs (>= 1.2.0, < 2.0)
      rspec-support (~> 3.8.0)
    rspec-rails (3.8.2)
      actionpack (>= 3.0)
      activesupport (>= 3.0)
      railties (>= 3.0)
      rspec-core (~> 3.8.0)
      rspec-expectations (~> 3.8.0)
      rspec-mocks (~> 3.8.0)
      rspec-support (~> 3.8.0)
    rspec-support (3.8.0)
    safe_yaml (1.0.5)
    shoulda-matchers (4.0.1)
      activesupport (>= 4.2.0)
    sprockets (4.0.2)
      concurrent-ruby (~> 1.0)
      rack (> 1, < 3)
    sprockets-rails (3.2.2)
      actionpack (>= 4.0)
      activesupport (>= 4.0)
      sprockets (>= 3.0.0)
<<<<<<< HEAD
    thor (1.1.0)
    tzinfo (2.0.4)
      concurrent-ruby (~> 1.0)
<<<<<<< HEAD
<<<<<<< HEAD
    webmock (3.11.2)
=======
    webmock (3.5.1)
>>>>>>> ruby-2.7.1 and rails-6.0 upgrade
=======
    webmock (3.11.2)
>>>>>>> updated gems and changed as_json to serializable_hash
=======
    thor (1.0.1)
    thread_safe (0.3.6)
    tzinfo (1.2.9)
      thread_safe (~> 0.1)
    webmock (3.5.1)
>>>>>>> REFS Maintenance - Begins toggle between rails 5 and 6
      addressable (>= 2.3.6)
      crack (>= 0.3.2)
      hashdiff
    websocket-driver (0.7.3)
      websocket-extensions (>= 0.1.0)
    websocket-extensions (0.1.5)

PLATFORMS
  ruby

DEPENDENCIES
  rspec
  rspec-rails
  shoulda-matchers
  transport_gateway!
  webmock

BUNDLED WITH
   2.2.11
