GIT
  remote: https://github.com/ideacrew/acapi.git
  revision: 5c98342197a833b2c8044061dc547d17a706d82b
  branch: master
  specs:
    acapi (1.3.2)
      activesupport (> 4.2.0)
      bunny (~> 1.7.0)
      sneakers

GIT
  remote: https://github.com/mongodb/mongoid.git
  revision: df6b2168ee7526f0c5e26f64f38851b91a0623e8
  ref: df6b2168ee7526f0c5e26f64f38851b91a0623e8
  specs:
    mongoid (7.3.0.alpha)
      activemodel (>= 5.1, < 6.2)
      mongo (>= 2.10.5, < 3.0.0)

PATH
  remote: .
  specs:
    transport_profiles (0.0.1)
<<<<<<< HEAD
<<<<<<< HEAD
<<<<<<< HEAD
<<<<<<< HEAD
=======
      mongoid (~> 7.2)
>>>>>>> ruby-2.7.1 and rails-6.0 upgrade
=======
>>>>>>> pointing mongoid to its github to fix a bug
      rails (~> 6.0)
=======
      mongoid (~> 7.0.2)
      rails (~> 5.2.4.3)
>>>>>>> REFS Maintenance - Begins toggle between rails 5 and 6
=======
      rails (~> 6.0)
>>>>>>> REFS Maintenance - Saves progress.
      rubyzip (>= 1.3.0)
      symmetric-encryption (~> 3.9.1)
      transport_gateway

PATH
<<<<<<< HEAD
<<<<<<< HEAD
<<<<<<< HEAD
<<<<<<< HEAD
  remote: /Users/harsha/Desktop/ideacrew/enroll/components/transport_gateway
=======
  remote: /Users/hitheshkolla/Desktop/ideacrew/enroll/components/transport_gateway
>>>>>>> ruby-2.7.1 and rails-6.0 upgrade
=======
  remote: /Users/harsha/Desktop/ideacrew/enroll/components/transport_gateway
>>>>>>> updated gems and changed as_json to serializable_hash
=======
  remote: /Users/zanesandin/enroll/components/transport_gateway
>>>>>>> REFS Maintenance - Begins toggle between rails 5 and 6
=======
  remote: /Users/harsha/Desktop/ideacrew/enroll/components/transport_gateway
>>>>>>> REFS Maintenance - Saves progress.
  specs:
    transport_gateway (0.0.1)
      aws-sdk (~> 2.2.4)
      net-sftp (~> 2.1, >= 2.1.2)
      net-ssh (= 4.2.0)
      rails (~> 6.0)

GEM
  remote: https://rubygems.org/
  specs:
    actioncable (6.0.3.4)
      actionpack (= 6.0.3.4)
      nio4r (~> 2.0)
      websocket-driver (>= 0.6.1)
    actionmailbox (6.0.3.4)
      actionpack (= 6.0.3.4)
      activejob (= 6.0.3.4)
      activerecord (= 6.0.3.4)
      activestorage (= 6.0.3.4)
      activesupport (= 6.0.3.4)
      mail (>= 2.7.1)
    actionmailer (6.0.3.4)
      actionpack (= 6.0.3.4)
      actionview (= 6.0.3.4)
      activejob (= 6.0.3.4)
      mail (~> 2.5, >= 2.5.4)
      rails-dom-testing (~> 2.0)
    actionpack (6.0.3.4)
      actionview (= 6.0.3.4)
      activesupport (= 6.0.3.4)
      rack (~> 2.0, >= 2.0.8)
      rack-test (>= 0.6.3)
      rails-dom-testing (~> 2.0)
      rails-html-sanitizer (~> 1.0, >= 1.2.0)
    actiontext (6.0.3.4)
      actionpack (= 6.0.3.4)
      activerecord (= 6.0.3.4)
      activestorage (= 6.0.3.4)
      activesupport (= 6.0.3.4)
      nokogiri (>= 1.8.5)
    actionview (6.0.3.4)
      activesupport (= 6.0.3.4)
      builder (~> 3.1)
      erubi (~> 1.4)
      rails-dom-testing (~> 2.0)
      rails-html-sanitizer (~> 1.1, >= 1.2.0)
    activejob (6.0.3.4)
      activesupport (= 6.0.3.4)
      globalid (>= 0.3.6)
    activemodel (6.0.3.4)
      activesupport (= 6.0.3.4)
    activerecord (6.0.3.4)
      activemodel (= 6.0.3.4)
      activesupport (= 6.0.3.4)
    activestorage (6.0.3.4)
      actionpack (= 6.0.3.4)
      activejob (= 6.0.3.4)
      activerecord (= 6.0.3.4)
      marcel (~> 0.3.1)
    activesupport (6.0.3.4)
      concurrent-ruby (~> 1.0, >= 1.0.2)
      i18n (>= 0.7, < 2)
      minitest (~> 5.1)
      tzinfo (~> 1.1)
<<<<<<< HEAD
<<<<<<< HEAD
      zeitwerk (~> 2.2, >= 2.2.2)
<<<<<<< HEAD
<<<<<<< HEAD
=======
      zeitwerk (~> 2.2, >= 2.2.2)
>>>>>>> REFS Maintenance - Saves progress.
    addressable (2.7.0)
      public_suffix (>= 2.0.2, < 5.0)
=======
    addressable (2.5.2)
      public_suffix (>= 2.0.2, < 4.0)
>>>>>>> ruby-2.7.1 and rails-6.0 upgrade
=======
=======
>>>>>>> REFS Maintenance - Begins toggle between rails 5 and 6
    addressable (2.7.0)
      public_suffix (>= 2.0.2, < 5.0)
>>>>>>> updated gems and changed as_json to serializable_hash
    amq-protocol (1.9.2)
    aws-sdk (2.2.37)
      aws-sdk-resources (= 2.2.37)
    aws-sdk-core (2.2.37)
      jmespath (~> 1.0)
    aws-sdk-resources (2.2.37)
      aws-sdk-core (= 2.2.37)
    bson (4.12.0)
    builder (3.2.4)
    bunny (1.7.1)
      amq-protocol (~> 1.9.2)
    coercible (1.0.0)
      descendants_tracker (~> 0.0.1)
    concurrent-ruby (1.1.8)
<<<<<<< HEAD
<<<<<<< HEAD
    crack (0.4.5)
      rexml
=======
    crack (0.4.3)
      safe_yaml (~> 1.0.0)
>>>>>>> ruby-2.7.1 and rails-6.0 upgrade
=======
    crack (0.4.5)
      rexml
>>>>>>> updated gems and changed as_json to serializable_hash
    crass (1.0.6)
    descendants_tracker (0.0.4)
      thread_safe (~> 0.3, >= 0.3.1)
    diff-lcs (1.4.4)
    erubi (1.10.0)
    globalid (0.4.2)
      activesupport (>= 4.2.0)
<<<<<<< HEAD
<<<<<<< HEAD
    hashdiff (1.0.1)
=======
    hashdiff (0.3.8)
>>>>>>> ruby-2.7.1 and rails-6.0 upgrade
=======
    hashdiff (1.0.1)
<<<<<<< HEAD
<<<<<<< HEAD
>>>>>>> updated gems and changed as_json to serializable_hash
    i18n (1.8.7)
=======
    i18n (1.8.9)
>>>>>>> REFS Maintenance - Begins toggle between rails 5 and 6
=======
    i18n (1.8.7)
>>>>>>> REFS Maintenance - Saves progress.
      concurrent-ruby (~> 1.0)
    jmespath (1.4.0)
    loofah (2.9.0)
      crass (~> 1.0.2)
      nokogiri (>= 1.5.9)
    mail (2.7.1)
      mini_mime (>= 0.1.1)
    marcel (0.3.3)
      mimemagic (~> 0.3.2)
    method_source (1.0.0)
    mimemagic (0.3.5)
    mini_mime (1.0.2)
    mini_portile2 (2.5.0)
    minitest (5.14.3)
    mongo (2.14.0)
      bson (>= 4.8.2, < 5.0.0)
<<<<<<< HEAD
<<<<<<< HEAD
<<<<<<< HEAD
<<<<<<< HEAD
=======
    mongoid (7.2.0)
      activemodel (>= 5.1, < 6.1)
      mongo (>= 2.10.5, < 3.0.0)
>>>>>>> ruby-2.7.1 and rails-6.0 upgrade
=======
>>>>>>> pointing mongoid to its github to fix a bug
=======
    mongoid (7.0.12)
      activemodel (>= 5.1, < 6.2)
      mongo (>= 2.7.0, < 3.0.0)
>>>>>>> REFS Maintenance - Begins toggle between rails 5 and 6
=======
>>>>>>> REFS Maintenance - Saves progress.
    net-sftp (2.1.2)
      net-ssh (>= 2.6.5)
    net-ssh (4.2.0)
    nio4r (2.5.4)
    nokogiri (1.11.1)
      mini_portile2 (~> 2.5.0)
      racc (~> 1.4)
<<<<<<< HEAD
<<<<<<< HEAD
    public_suffix (4.0.6)
=======
    public_suffix (3.0.3)
>>>>>>> ruby-2.7.1 and rails-6.0 upgrade
=======
    public_suffix (4.0.6)
>>>>>>> updated gems and changed as_json to serializable_hash
    racc (1.5.2)
    rack (2.2.3)
    rack-test (1.1.0)
      rack (>= 1.0, < 3)
    rails (6.0.3.4)
      actioncable (= 6.0.3.4)
      actionmailbox (= 6.0.3.4)
      actionmailer (= 6.0.3.4)
      actionpack (= 6.0.3.4)
      actiontext (= 6.0.3.4)
      actionview (= 6.0.3.4)
      activejob (= 6.0.3.4)
      activemodel (= 6.0.3.4)
      activerecord (= 6.0.3.4)
      activestorage (= 6.0.3.4)
      activesupport (= 6.0.3.4)
      bundler (>= 1.3.0)
      railties (= 6.0.3.4)
      sprockets-rails (>= 2.0.0)
    rails-dom-testing (2.0.3)
      activesupport (>= 4.2.0)
      nokogiri (>= 1.6)
    rails-html-sanitizer (1.3.0)
      loofah (~> 2.3)
    railties (6.0.3.4)
      actionpack (= 6.0.3.4)
      activesupport (= 6.0.3.4)
      method_source
      rake (>= 0.8.7)
      thor (>= 0.20.3, < 2.0)
    rake (13.0.3)
    rexml (3.2.4)
    rspec (3.10.0)
      rspec-core (~> 3.10.0)
      rspec-expectations (~> 3.10.0)
      rspec-mocks (~> 3.10.0)
    rspec-core (3.10.1)
      rspec-support (~> 3.10.0)
    rspec-expectations (3.10.1)
      diff-lcs (>= 1.2.0, < 2.0)
      rspec-support (~> 3.10.0)
    rspec-mocks (3.10.2)
      diff-lcs (>= 1.2.0, < 2.0)
      rspec-support (~> 3.10.0)
    rspec-rails (4.0.2)
      actionpack (>= 4.2)
      activesupport (>= 4.2)
      railties (>= 4.2)
      rspec-core (~> 3.10)
      rspec-expectations (~> 3.10)
      rspec-mocks (~> 3.10)
      rspec-support (~> 3.10)
    rspec-support (3.10.2)
    rubyzip (2.3.0)
    serverengine (1.5.11)
      sigdump (~> 0.2.2)
    shoulda-matchers (4.5.1)
      activesupport (>= 4.2.0)
    sigdump (0.2.4)
    sneakers (1.1.2)
      bunny (>= 1.7.0, <= 2.0.0)
      serverengine (~> 1.5.5)
      thor
      thread (~> 0.1.7)
    sprockets (4.0.2)
      concurrent-ruby (~> 1.0)
      rack (> 1, < 3)
    sprockets-rails (3.2.2)
      actionpack (>= 4.0)
      activesupport (>= 4.0)
      sprockets (>= 3.0.0)
    symmetric-encryption (3.9.1)
      coercible (~> 1.0)
    thor (1.1.0)
    thread (0.1.7)
    thread_safe (0.3.6)
    tzinfo (1.2.9)
      thread_safe (~> 0.1)
    webmock (3.11.2)
      addressable (>= 2.3.6)
      crack (>= 0.3.2)
      hashdiff (>= 0.4.0, < 2.0.0)
    websocket-driver (0.7.3)
      websocket-extensions (>= 0.1.0)
    websocket-extensions (0.1.5)
    zeitwerk (2.4.2)

PLATFORMS
  ruby

DEPENDENCIES
  acapi!
  mongoid!
  rspec
  rspec-rails
  shoulda-matchers
  transport_gateway!
  transport_profiles!
  webmock

BUNDLED WITH
   2.2.6
