GIT
  remote: https://github.com/ideacrew/aca_entities.git
  revision: 438f819c1bb682dbaddafad9b8c125bec260da43
  branch: trunk
  specs:
    aca_entities (0.10.0)
      deep_merge
      dry-monads (~> 1.2)
      dry-struct (~> 1.0)
      dry-transformer (~> 0.1.1)
      dry-types (~> 1.0)
      dry-validation (~> 1.2)
      iso_country_codes
      json-schema
      nokogiri-happymapper
      oj (~> 3.11)
      rbnacl (~> 7.1)

GIT
  remote: https://github.com/ideacrew/acapi.git
  revision: e10f9ab0a454f861916a986986daa9e055798fde
  branch: trunk
  specs:
    acapi (1.3.2)
      activesupport (> 4.2.0)
      bunny (~> 1.7.0)
      sneakers

GIT
  remote: https://github.com/ideacrew/event_source.git
  revision: f2e41bee53939bb069668b314c904c43e52bdc57
  branch: trunk
  specs:
    event_source (0.5.3)
      bunny (>= 1.7.1)
      deep_merge (~> 1.2.0)
      dry-events (~> 0.3)
      dry-inflector (~> 0.2)
      dry-initializer (~> 3.0)
      dry-monads (~> 1.3)
      dry-schema (= 1.6.2)
      dry-struct (~> 1.4)
      dry-types (~> 1.5)
      dry-validation (~> 1.6)
      faraday (~> 1.4.1)
      faraday_middleware (~> 1.0)
      logging (~> 2.3.0)
      mime-types
      nokogiri (>= 1.10.8)
      oj (~> 3.11)
      ox (~> 2.14)
      resque-bus (~> 0.7.0)
      typhoeus (~> 1.4.0)

GIT
  remote: https://github.com/ideacrew/resource_registry.git
  revision: 02f549334dc8eecce557daa45a543b00d8787d93
  branch: trunk
  specs:
    resource_registry (0.7.0)
      bootsnap (~> 1.0)
      deep_merge (>= 1.0.0)
      dry-configurable (= 0.9)
      dry-container (~> 0.7)
      dry-matcher (~> 0.7)
      dry-monads (~> 1.2)
      dry-struct (~> 1.0)
      dry-types (~> 1.0)
      dry-validation (~> 1.2)
      i18n (>= 0.7.0)
      loofah (>= 2.3.1)
      mime-types
      nokogiri (>= 1.9.1)
      ox (~> 2.0)
      rack (>= 1.6.13)

PATH
  remote: ../ui_helpers
  specs:
    ui_helpers (0.0.1)
      rails (~> 6.0.6.1)

PATH
  remote: .
  specs:
    financial_assistance (0.1.0)
      aasm (~> 4.8)
      config (~> 2.0)
      devise (~> 4.5)
      dry-monads
      dry-types
      dry-validation
      font-awesome-rails (~> 4.7)
      haml-rails
      money-rails (~> 1.13.3)
      mongoid (~> 7.5.4)
      mongoid-autoinc (~> 6.0)
      pundit (~> 2.0)
      rails (~> 6.0.6.1)
      slim (~> 3.0)
      symmetric-encryption (= 3.9.1)

GEM
  remote: https://rubygems.org/
  specs:
    aasm (4.12.3)
      concurrent-ruby (~> 1.0)
    actioncable (6.0.6.1)
      actionpack (= 6.0.6.1)
      nio4r (~> 2.0)
      websocket-driver (>= 0.6.1)
    actionmailbox (6.0.6.1)
      actionpack (= 6.0.6.1)
      activejob (= 6.0.6.1)
      activerecord (= 6.0.6.1)
      activestorage (= 6.0.6.1)
      activesupport (= 6.0.6.1)
      mail (>= 2.7.1)
    actionmailer (6.0.6.1)
      actionpack (= 6.0.6.1)
      actionview (= 6.0.6.1)
      activejob (= 6.0.6.1)
      mail (~> 2.5, >= 2.5.4)
      rails-dom-testing (~> 2.0)
    actionpack (6.0.6.1)
      actionview (= 6.0.6.1)
      activesupport (= 6.0.6.1)
      rack (~> 2.0, >= 2.0.8)
      rack-test (>= 0.6.3)
      rails-dom-testing (~> 2.0)
      rails-html-sanitizer (~> 1.0, >= 1.2.0)
    actiontext (6.0.6.1)
      actionpack (= 6.0.6.1)
      activerecord (= 6.0.6.1)
      activestorage (= 6.0.6.1)
      activesupport (= 6.0.6.1)
      nokogiri (>= 1.8.5)
    actionview (6.0.6.1)
      activesupport (= 6.0.6.1)
      builder (~> 3.1)
      erubi (~> 1.4)
      rails-dom-testing (~> 2.0)
      rails-html-sanitizer (~> 1.1, >= 1.2.0)
    activejob (6.0.6.1)
      activesupport (= 6.0.6.1)
      globalid (>= 0.3.6)
    activemodel (6.0.6.1)
      activesupport (= 6.0.6.1)
    activerecord (6.0.6.1)
      activemodel (= 6.0.6.1)
      activesupport (= 6.0.6.1)
    activestorage (6.0.6.1)
      actionpack (= 6.0.6.1)
      activejob (= 6.0.6.1)
      activerecord (= 6.0.6.1)
      marcel (~> 1.0)
    activesupport (6.0.6.1)
      concurrent-ruby (~> 1.0, >= 1.0.2)
      i18n (>= 0.7, < 2)
      minitest (~> 5.1)
      tzinfo (~> 1.1)
      zeitwerk (~> 2.2, >= 2.2.2)
    addressable (2.7.0)
      public_suffix (>= 2.0.2, < 5.0)
    amq-protocol (1.9.2)
    ast (2.4.1)
    bcrypt (3.1.15)
    bootsnap (1.7.2)
      msgpack (~> 1.0)
    bson (4.15.0)
    builder (3.2.4)
    bunny (1.7.1)
      amq-protocol (~> 1.9.2)
    byebug (11.1.3)
    capybara (3.33.0)
      addressable
      mini_mime (>= 0.1.3)
      nokogiri (~> 1.8)
      rack (>= 1.6.0)
      rack-test (>= 0.6.3)
      regexp_parser (~> 1.5)
      xpath (~> 3.2)
    coderay (1.1.3)
    coercible (1.0.0)
      descendants_tracker (~> 0.0.1)
    concurrent-ruby (1.2.3)
    config (2.2.1)
      deep_merge (~> 1.2, >= 1.2.1)
      dry-validation (~> 1.0, >= 1.0.0)
    crass (1.0.6)
    database_cleaner-core (2.0.1)
    database_cleaner-mongoid (2.0.1)
      database_cleaner-core (~> 2.0.0)
      mongoid
    date (3.3.4)
    deep_merge (1.2.2)
    descendants_tracker (0.0.4)
      thread_safe (~> 0.3, >= 0.3.1)
    devise (4.7.2)
      bcrypt (~> 3.0)
      orm_adapter (~> 0.1)
      railties (>= 4.1.0)
      responders
      warden (~> 1.2.3)
    diff-lcs (1.4.4)
    docile (1.4.0)
    dry-configurable (0.9.0)
      concurrent-ruby (~> 1.0)
      dry-core (~> 0.4, >= 0.4.7)
    dry-container (0.7.2)
      concurrent-ruby (~> 1.0)
      dry-configurable (~> 0.1, >= 0.1.3)
    dry-core (0.6.0)
      concurrent-ruby (~> 1.0)
    dry-equalizer (0.3.0)
    dry-events (0.3.0)
      concurrent-ruby (~> 1.0)
      dry-core (~> 0.5, >= 0.5)
    dry-inflector (0.2.0)
    dry-initializer (3.0.4)
    dry-logic (1.2.0)
      concurrent-ruby (~> 1.0)
      dry-core (~> 0.5, >= 0.5)
    dry-matcher (0.9.0)
      dry-core (~> 0.4, >= 0.4.8)
    dry-monads (1.3.5)
      concurrent-ruby (~> 1.0)
      dry-core (~> 0.4, >= 0.4.4)
      dry-equalizer
    dry-schema (1.6.2)
      concurrent-ruby (~> 1.0)
      dry-configurable (~> 0.8, >= 0.8.3)
      dry-core (~> 0.5, >= 0.5)
      dry-initializer (~> 3.0)
      dry-logic (~> 1.0)
      dry-types (~> 1.5)
    dry-struct (1.4.0)
      dry-core (~> 0.5, >= 0.5)
      dry-types (~> 1.5)
      ice_nine (~> 0.11)
    dry-transformer (0.1.1)
    dry-types (1.5.1)
      concurrent-ruby (~> 1.0)
      dry-container (~> 0.3)
      dry-core (~> 0.5, >= 0.5)
      dry-inflector (~> 0.1, >= 0.1.2)
      dry-logic (~> 1.0, >= 1.0.2)
    dry-validation (1.6.0)
      concurrent-ruby (~> 1.0)
      dry-container (~> 0.7, >= 0.7.1)
      dry-core (~> 0.4)
      dry-equalizer (~> 0.2)
      dry-initializer (~> 3.0)
      dry-schema (~> 1.5, >= 1.5.2)
    erubi (1.12.0)
    erubis (2.7.0)
    et-orbi (1.2.5)
      tzinfo
    ethon (0.15.0)
      ffi (>= 1.15.0)
    factory_bot (4.11.1)
      activesupport (>= 3.0.0)
    factory_bot_rails (4.11.1)
      factory_bot (~> 4.11.1)
      railties (>= 3.0.0)
    faraday (1.4.3)
      faraday-em_http (~> 1.0)
      faraday-em_synchrony (~> 1.0)
      faraday-excon (~> 1.1)
      faraday-net_http (~> 1.0)
      faraday-net_http_persistent (~> 1.1)
      multipart-post (>= 1.2, < 3)
      ruby2_keywords (>= 0.0.4)
    faraday-em_http (1.0.0)
    faraday-em_synchrony (1.0.0)
    faraday-excon (1.1.0)
    faraday-net_http (1.0.1)
    faraday-net_http_persistent (1.2.0)
    faraday_middleware (1.2.0)
      faraday (~> 1.0)
    ffi (1.15.5)
    font-awesome-rails (4.7.0.5)
      railties (>= 3.2, < 6.1)
    forgery (0.7.0)
    fugit (1.5.2)
      et-orbi (~> 1.1, >= 1.1.8)
      raabro (~> 1.4)
    globalid (1.1.0)
      activesupport (>= 5.0)
    haml (5.1.2)
      temple (>= 0.8.0)
      tilt
    haml-rails (2.0.1)
      actionpack (>= 5.1)
      activesupport (>= 5.1)
      haml (>= 4.0.6, < 6.0)
      html2haml (>= 1.0.1)
      railties (>= 5.1)
    html2haml (2.2.0)
      erubis (~> 2.7.0)
      haml (>= 4.0, < 6)
      nokogiri (>= 1.6.0)
      ruby_parser (~> 3.5)
    i18n (1.14.1)
      concurrent-ruby (~> 1.0)
    ice_nine (0.11.2)
    iso_country_codes (0.7.8)
    json-schema (2.8.1)
      addressable (>= 2.4)
    little-plugger (1.1.4)
    logging (2.3.0)
      little-plugger (~> 1.1)
      multi_json (~> 1.14)
    loofah (2.22.0)
      crass (~> 1.0.2)
      nokogiri (>= 1.12.0)
    mail (2.8.1)
      mini_mime (>= 0.1.1)
      net-imap
      net-pop
      net-smtp
    marcel (1.0.2)
    method_source (1.0.0)
    mime-types (3.3.1)
      mime-types-data (~> 3.2015)
    mime-types-data (3.2021.0901)
    mini_mime (1.1.5)
    mini_portile2 (2.8.5)
    minitest (5.21.2)
    monetize (1.9.4)
      money (~> 6.12)
    money (6.13.8)
      i18n (>= 0.6.4, <= 2)
    money-rails (1.13.3)
      activesupport (>= 3.0)
      monetize (~> 1.9.0)
      money (~> 6.13.2)
      railties (>= 3.0)
    mongo (2.19.3)
      bson (>= 4.14.1, < 5.0.0)
    mongoid (7.5.4)
      activemodel (>= 5.1, < 7.1, != 7.0.0)
      mongo (>= 2.10.5, < 3.0.0)
      ruby2_keywords (~> 0.0.5)
    mongoid-autoinc (6.0.3)
      mongoid (>= 6.0, < 8.0)
    mongoid-compatibility (0.6.0)
      activesupport
      mongoid (>= 2.0)
    mongoid-rspec (4.0.1)
      activesupport (>= 3.0.0)
      mongoid (>= 3.1)
      mongoid-compatibility (>= 0.5.1)
      rspec (~> 3.3)
    mongoid_rails_migrations (1.2.1)
      activesupport (>= 4.2.0)
      bundler (>= 1.0.0)
      mongoid (>= 4.0.0)
      rails (>= 4.2.0)
      railties (>= 4.2.0)
    mono_logger (1.1.1)
    msgpack (1.4.2)
    multi_json (1.15.0)
    multipart-post (2.1.1)
    mustermann (2.0.2)
      ruby2_keywords (~> 0.0.1)
    net-imap (0.3.7)
      date
      net-protocol
    net-pop (0.1.2)
      net-protocol
    net-protocol (0.2.2)
      timeout
    net-smtp (0.4.0.1)
      net-protocol
    nio4r (2.7.0)
    nokogiri (1.13.10)
      mini_portile2 (~> 2.8.0)
      racc (~> 1.4)
    nokogiri-happymapper (0.8.1)
      nokogiri (~> 1.5)
    oj (3.13.11)
    orm_adapter (0.5.0)
    ox (2.14.5)
    parallel (1.19.2)
    parser (2.7.1.4)
      ast (~> 2.4.1)
    pry (0.13.1)
      coderay (~> 1.1)
      method_source (~> 1.0)
    pry-byebug (3.9.0)
      byebug (~> 11.0)
      pry (~> 0.13.0)
    public_suffix (4.0.5)
    pundit (2.1.0)
      activesupport (>= 3.0.0)
    queue-bus (0.12.0)
      multi_json
      redis
    raabro (1.4.0)
    racc (1.7.3)
    rack (2.2.8)
    rack-protection (2.2.3)
      rack
    rack-test (2.1.0)
      rack (>= 1.3)
    rails (6.0.6.1)
      actioncable (= 6.0.6.1)
      actionmailbox (= 6.0.6.1)
      actionmailer (= 6.0.6.1)
      actionpack (= 6.0.6.1)
      actiontext (= 6.0.6.1)
      actionview (= 6.0.6.1)
      activejob (= 6.0.6.1)
      activemodel (= 6.0.6.1)
      activerecord (= 6.0.6.1)
      activestorage (= 6.0.6.1)
      activesupport (= 6.0.6.1)
      bundler (>= 1.3.0)
      railties (= 6.0.6.1)
      sprockets-rails (>= 2.0.0)
    rails-controller-testing (1.0.5)
      actionpack (>= 5.0.1.rc1)
      actionview (>= 5.0.1.rc1)
      activesupport (>= 5.0.1.rc1)
    rails-dom-testing (2.2.0)
      activesupport (>= 5.0.0)
      minitest
      nokogiri (>= 1.6)
    rails-html-sanitizer (1.5.0)
      loofah (~> 2.19, >= 2.19.1)
    rails-perftest (0.0.7)
    railties (6.0.6.1)
      actionpack (= 6.0.6.1)
      activesupport (= 6.0.6.1)
      method_source
      rake (>= 0.8.7)
      thor (>= 0.20.3, < 2.0)
    rainbow (3.0.0)
    rake (13.1.0)
    rbnacl (7.1.1)
      ffi
    redis (4.5.1)
    redis-namespace (1.8.1)
      redis (>= 3.0.4)
    regexp_parser (1.7.1)
    responders (3.0.1)
      actionpack (>= 5.0)
      railties (>= 5.0)
    resque (1.27.4)
      mono_logger (~> 1.0)
      multi_json (~> 1.0)
      redis-namespace (~> 1.3)
      sinatra (>= 0.9.2)
      vegas (~> 0.1.2)
    resque-bus (0.7.0)
      queue-bus (>= 0.7, < 1)
      resque (>= 1.10.0, < 2.0)
      resque-retry
      resque-scheduler (>= 2.0.1)
    resque-retry (1.7.6)
      resque (>= 1.25, < 3.0)
      resque-scheduler (~> 4.0)
    resque-scheduler (4.5.0)
      mono_logger (~> 1.0)
      redis (>= 3.3)
      resque (>= 1.27)
      rufus-scheduler (~> 3.2, < 3.7)
    rexml (3.2.4)
    rspec (3.12.0)
      rspec-core (~> 3.12.0)
      rspec-expectations (~> 3.12.0)
      rspec-mocks (~> 3.12.0)
    rspec-core (3.12.2)
      rspec-support (~> 3.12.0)
    rspec-expectations (3.12.3)
      diff-lcs (>= 1.2.0, < 2.0)
      rspec-support (~> 3.12.0)
    rspec-instafail (1.0.0)
      rspec
    rspec-mocks (3.12.6)
      diff-lcs (>= 1.2.0, < 2.0)
      rspec-support (~> 3.12.0)
    rspec-rails (5.0.3)
      actionpack (>= 5.2)
      activesupport (>= 5.2)
      railties (>= 5.2)
      rspec-core (~> 3.10)
      rspec-expectations (~> 3.10)
      rspec-mocks (~> 3.10)
      rspec-support (~> 3.10)
    rspec-support (3.12.1)
    rubocop (0.89.1)
      parallel (~> 1.10)
      parser (>= 2.7.1.1)
      rainbow (>= 2.2.2, < 4.0)
      regexp_parser (>= 1.7)
      rexml
      rubocop-ast (>= 0.3.0, < 1.0)
      ruby-progressbar (~> 1.7)
      unicode-display_width (>= 1.4.0, < 2.0)
    rubocop-ast (0.3.0)
      parser (>= 2.7.1.4)
    rubocop-rspec (1.43.1)
      rubocop (~> 0.87)
    ruby-progressbar (1.10.1)
    ruby2_keywords (0.0.5)
    ruby_parser (3.14.2)
      sexp_processor (~> 4.9)
    rufus-scheduler (3.6.0)
      fugit (~> 1.1, >= 1.1.6)
    serverengine (1.5.11)
      sigdump (~> 0.2.2)
    sexp_processor (4.15.0)
    shoulda-matchers (3.1.3)
      activesupport (>= 4.0.0)
    sigdump (0.2.4)
    simplecov (0.22.0)
      docile (~> 1.1)
      simplecov-html (~> 0.11)
      simplecov_json_formatter (~> 0.1)
    simplecov-cobertura (2.1.0)
      rexml
      simplecov (~> 0.19)
    simplecov-html (0.12.3)
    simplecov_json_formatter (0.1.4)
    sinatra (2.2.3)
      mustermann (~> 2.0)
      rack (~> 2.2)
      rack-protection (= 2.2.3)
      tilt (~> 2.0)
    slim (3.0.9)
      temple (>= 0.7.6, < 0.9)
      tilt (>= 1.3.3, < 2.1)
    sneakers (1.1.2)
      bunny (>= 1.7.0, <= 2.0.0)
      serverengine (~> 1.5.5)
      thor
      thread (~> 0.1.7)
    sprockets (4.2.1)
      concurrent-ruby (~> 1.0)
      rack (>= 2.2.4, < 4)
    sprockets-rails (3.4.2)
      actionpack (>= 5.2)
      activesupport (>= 5.2)
      sprockets (>= 3.0.0)
    symmetric-encryption (3.9.1)
      coercible (~> 1.0)
    temple (0.8.2)
    test-prof (0.5.0)
    thor (1.3.0)
    thread (0.1.7)
    thread_safe (0.3.6)
    tilt (2.0.10)
    timeout (0.4.1)
    typhoeus (1.4.0)
      ethon (>= 0.9.0)
    tzinfo (1.2.11)
      thread_safe (~> 0.1)
    unicode-display_width (1.7.0)
    vegas (0.1.11)
      rack (>= 1.0.0)
    warden (1.2.8)
      rack (>= 2.0.6)
    websocket-driver (0.7.6)
      websocket-extensions (>= 0.1.0)
    websocket-extensions (0.1.5)
    xpath (3.2.0)
      nokogiri (~> 1.8)
    yard (0.9.25)
    zeitwerk (2.6.12)

PLATFORMS
  ruby

DEPENDENCIES
  aca_entities!
  acapi!
  capybara (~> 3.12)
  database_cleaner-mongoid
  event_source!
  factory_bot_rails (~> 4)
  financial_assistance!
  forgery (~> 0.7.0)
  mongoid-rspec (~> 4.0.1)
  mongoid_rails_migrations (~> 1.2.0)
  nokogiri-happymapper
  pry-byebug
  rails-controller-testing
  rails-perftest (~> 0.0.7)
  resource_registry!
  rspec-instafail (~> 1.0.0)
  rspec-rails (~> 5.0.1)
  rubocop-rspec (~> 1.31)
  shoulda-matchers (~> 3)
  simplecov (~> 0.22.0)
  simplecov-cobertura (~> 2.1.0)
  test-prof (~> 0.5.0)
  ui_helpers!
  yard

BUNDLED WITH
   2.3.24
