GIT
  remote: https://github.com/ideacrew/acapi.git
  revision: e10f9ab0a454f861916a986986daa9e055798fde
  branch: trunk
  specs:
    acapi (1.3.2)
      activesupport (> 4.2.0)
      bunny (~> 1.7.0)
      sneakers

GIT
  remote: https://github.com/ideacrew/resource_registry.git
<<<<<<< HEAD
  revision: 7b8f396afde849e584d0a749ade9ee88f1717e26
  branch: trunk
=======
  revision: f313d71aafd697e97b9e491410ab3f2ec5ea824c
  branch: master
>>>>>>> updated gems and changed as_json to serializable_hash
  specs:
    resource_registry (0.7.0)
      bootsnap (~> 1.0)
      deep_merge (>= 1.0.0)
      dry-configurable (= 0.9)
      dry-container (~> 0.7)
      dry-matcher (~> 0.7)
      dry-monads (~> 1.2)
      dry-struct (~> 1.0)
      dry-types (~> 1.0)
      dry-validation (~> 1.2)
      i18n (>= 0.7.0)
      loofah (>= 2.3.1)
      mime-types
      nokogiri (>= 1.9.1)
      ox (~> 2.0)
      rack (>= 1.6.13)

GIT
  remote: https://github.com/mongodb/mongoid.git
  revision: df6b2168ee7526f0c5e26f64f38851b91a0623e8
  ref: df6b2168ee7526f0c5e26f64f38851b91a0623e8
  specs:
    mongoid (7.3.0.alpha)
      activemodel (>= 5.1, < 6.2)
      mongo (>= 2.10.5, < 3.0.0)

PATH
  remote: ../ui_helpers
  specs:
    ui_helpers (0.0.1)
      rails (~> 6.0)

PATH
  remote: .
  specs:
    financial_assistance (0.1.0)
      aasm (~> 4.8)
      config (~> 2.0)
      devise (~> 4.5)
      dry-monads
      dry-types
      dry-validation
      font-awesome-rails (~> 4.7)
      haml-rails
      money-rails (~> 1.13.3)
<<<<<<< HEAD
<<<<<<< HEAD
=======
      mongoid (~> 7.2)
>>>>>>> ruby-2.7.1 and rails-6.0 upgrade
=======
>>>>>>> pointing mongoid to its github to fix a bug
      mongoid-autoinc (~> 6.0)
      pundit (~> 2.0)
      rails (~> 6.0)
      slim (~> 3.0)
      symmetric-encryption (~> 3.9.1)

GEM
  remote: https://rubygems.org/
  specs:
    aasm (4.12.3)
      concurrent-ruby (~> 1.0)
<<<<<<< HEAD
<<<<<<< HEAD
    actioncable (6.1.2.1)
      actionpack (= 6.1.2.1)
      activesupport (= 6.1.2.1)
      nio4r (~> 2.0)
      websocket-driver (>= 0.6.1)
    actionmailbox (6.1.2.1)
      actionpack (= 6.1.2.1)
      activejob (= 6.1.2.1)
      activerecord (= 6.1.2.1)
      activestorage (= 6.1.2.1)
      activesupport (= 6.1.2.1)
      mail (>= 2.7.1)
    actionmailer (6.1.2.1)
      actionpack (= 6.1.2.1)
      actionview (= 6.1.2.1)
      activejob (= 6.1.2.1)
      activesupport (= 6.1.2.1)
      mail (~> 2.5, >= 2.5.4)
      rails-dom-testing (~> 2.0)
    actionpack (6.1.2.1)
      actionview (= 6.1.2.1)
      activesupport (= 6.1.2.1)
      rack (~> 2.0, >= 2.0.9)
      rack-test (>= 0.6.3)
      rails-dom-testing (~> 2.0)
      rails-html-sanitizer (~> 1.0, >= 1.2.0)
    actiontext (6.1.2.1)
      actionpack (= 6.1.2.1)
      activerecord (= 6.1.2.1)
      activestorage (= 6.1.2.1)
      activesupport (= 6.1.2.1)
      nokogiri (>= 1.8.5)
    actionview (6.1.2.1)
      activesupport (= 6.1.2.1)
=======
    actioncable (6.0.3.4)
      actionpack (= 6.0.3.4)
=======
    actioncable (6.1.2.1)
      actionpack (= 6.1.2.1)
      activesupport (= 6.1.2.1)
>>>>>>> WIP: fixing components specs
      nio4r (~> 2.0)
      websocket-driver (>= 0.6.1)
    actionmailbox (6.1.2.1)
      actionpack (= 6.1.2.1)
      activejob (= 6.1.2.1)
      activerecord (= 6.1.2.1)
      activestorage (= 6.1.2.1)
      activesupport (= 6.1.2.1)
      mail (>= 2.7.1)
    actionmailer (6.1.2.1)
      actionpack (= 6.1.2.1)
      actionview (= 6.1.2.1)
      activejob (= 6.1.2.1)
      activesupport (= 6.1.2.1)
      mail (~> 2.5, >= 2.5.4)
      rails-dom-testing (~> 2.0)
    actionpack (6.1.2.1)
      actionview (= 6.1.2.1)
      activesupport (= 6.1.2.1)
      rack (~> 2.0, >= 2.0.9)
      rack-test (>= 0.6.3)
      rails-dom-testing (~> 2.0)
      rails-html-sanitizer (~> 1.0, >= 1.2.0)
    actiontext (6.1.2.1)
      actionpack (= 6.1.2.1)
      activerecord (= 6.1.2.1)
      activestorage (= 6.1.2.1)
      activesupport (= 6.1.2.1)
      nokogiri (>= 1.8.5)
<<<<<<< HEAD
    actionview (6.0.3.4)
      activesupport (= 6.0.3.4)
>>>>>>> ruby-2.7.1 and rails-6.0 upgrade
=======
    actionview (6.1.2.1)
      activesupport (= 6.1.2.1)
>>>>>>> WIP: fixing components specs
      builder (~> 3.1)
      erubi (~> 1.4)
      rails-dom-testing (~> 2.0)
      rails-html-sanitizer (~> 1.1, >= 1.2.0)
<<<<<<< HEAD
<<<<<<< HEAD
    activejob (6.1.2.1)
      activesupport (= 6.1.2.1)
      globalid (>= 0.3.6)
    activemodel (6.1.2.1)
      activesupport (= 6.1.2.1)
    activerecord (6.1.2.1)
      activemodel (= 6.1.2.1)
      activesupport (= 6.1.2.1)
    activestorage (6.1.2.1)
      actionpack (= 6.1.2.1)
      activejob (= 6.1.2.1)
      activerecord (= 6.1.2.1)
      activesupport (= 6.1.2.1)
      marcel (~> 0.3.1)
      mimemagic (~> 0.3.2)
    activesupport (6.1.2.1)
      concurrent-ruby (~> 1.0, >= 1.0.2)
      i18n (>= 1.6, < 2)
      minitest (>= 5.1)
      tzinfo (~> 2.0)
      zeitwerk (~> 2.3)
    addressable (2.7.0)
      public_suffix (>= 2.0.2, < 5.0)
    amq-protocol (1.9.2)
    ast (2.4.2)
    bcrypt (3.1.16)
    bootsnap (1.7.2)
      msgpack (~> 1.0)
    bson (4.12.0)
=======
    activejob (6.0.3.4)
      activesupport (= 6.0.3.4)
=======
    activejob (6.1.2.1)
      activesupport (= 6.1.2.1)
>>>>>>> WIP: fixing components specs
      globalid (>= 0.3.6)
    activemodel (6.1.2.1)
      activesupport (= 6.1.2.1)
    activerecord (6.1.2.1)
      activemodel (= 6.1.2.1)
      activesupport (= 6.1.2.1)
    activestorage (6.1.2.1)
      actionpack (= 6.1.2.1)
      activejob (= 6.1.2.1)
      activerecord (= 6.1.2.1)
      activesupport (= 6.1.2.1)
      marcel (~> 0.3.1)
      mimemagic (~> 0.3.2)
    activesupport (6.1.2.1)
      concurrent-ruby (~> 1.0, >= 1.0.2)
      i18n (>= 1.6, < 2)
      minitest (>= 5.1)
      tzinfo (~> 2.0)
      zeitwerk (~> 2.3)
    addressable (2.7.0)
      public_suffix (>= 2.0.2, < 5.0)
    amq-protocol (1.9.2)
    ast (2.4.2)
    bcrypt (3.1.16)
    bootsnap (1.7.2)
      msgpack (~> 1.0)
<<<<<<< HEAD
    bson (4.11.1)
>>>>>>> ruby-2.7.1 and rails-6.0 upgrade
=======
    bson (4.12.0)
>>>>>>> pointing mongoid to its github to fix a bug
    builder (3.2.4)
    bunny (1.7.1)
      amq-protocol (~> 1.9.2)
    byebug (11.1.3)
    capybara (3.35.3)
      addressable
      mini_mime (>= 0.1.3)
      nokogiri (~> 1.8)
      rack (>= 1.6.0)
      rack-test (>= 0.6.3)
      regexp_parser (>= 1.5, < 3.0)
      xpath (~> 3.2)
    coderay (1.1.3)
    coercible (1.0.0)
      descendants_tracker (~> 0.0.1)
    concurrent-ruby (1.1.8)
<<<<<<< HEAD
<<<<<<< HEAD
    config (2.2.3)
=======
    config (2.2.1)
>>>>>>> ruby-2.7.1 and rails-6.0 upgrade
      deep_merge (~> 1.2, >= 1.2.1)
      dry-validation (~> 1.0, >= 1.0.0)
    crass (1.0.6)
    database_cleaner-core (2.0.1)
    database_cleaner-mongoid (2.0.1)
      database_cleaner-core (~> 2.0.0)
      mongoid
=======
    config (2.2.3)
      deep_merge (~> 1.2, >= 1.2.1)
      dry-validation (~> 1.0, >= 1.0.0)
    crass (1.0.6)
    database_cleaner-core (2.0.1)
    database_cleaner-mongoid (2.0.1)
      database_cleaner-core (~> 2.0.0)
<<<<<<< HEAD
    database_cleaner-core (2.0.0)
>>>>>>> updated gems and changed as_json to serializable_hash
=======
      mongoid
>>>>>>> WIP: fixing components specs
    deep_merge (1.2.1)
    descendants_tracker (0.0.4)
      thread_safe (~> 0.3, >= 0.3.1)
    devise (4.7.3)
      bcrypt (~> 3.0)
      orm_adapter (~> 0.1)
      railties (>= 4.1.0)
      responders
      warden (~> 1.2.3)
    diff-lcs (1.4.4)
    dry-configurable (0.9.0)
      concurrent-ruby (~> 1.0)
      dry-core (~> 0.4, >= 0.4.7)
    dry-container (0.7.2)
      concurrent-ruby (~> 1.0)
      dry-configurable (~> 0.1, >= 0.1.3)
    dry-core (0.5.0)
      concurrent-ruby (~> 1.0)
    dry-equalizer (0.3.0)
    dry-inflector (0.2.0)
    dry-initializer (3.0.4)
    dry-logic (1.1.0)
      concurrent-ruby (~> 1.0)
      dry-core (~> 0.5, >= 0.5)
<<<<<<< HEAD
      dry-equalizer (~> 0.2)
    dry-matcher (0.9.0)
      dry-core (~> 0.4, >= 0.4.8)
=======
    dry-matcher (0.8.3)
      dry-core (>= 0.4.8)
>>>>>>> updated gems and changed as_json to serializable_hash
    dry-monads (1.3.5)
      concurrent-ruby (~> 1.0)
      dry-core (~> 0.4, >= 0.4.4)
      dry-equalizer
<<<<<<< HEAD
<<<<<<< HEAD
    dry-schema (1.6.1)
=======
    dry-schema (1.6.0)
>>>>>>> updated gems and changed as_json to serializable_hash
=======
    dry-schema (1.6.1)
>>>>>>> WIP: fixing components specs
      concurrent-ruby (~> 1.0)
      dry-configurable (~> 0.8, >= 0.8.3)
      dry-core (~> 0.5, >= 0.5)
      dry-initializer (~> 3.0)
      dry-logic (~> 1.0)
      dry-types (~> 1.5)
    dry-struct (1.4.0)
      dry-core (~> 0.5, >= 0.5)
      dry-types (~> 1.5)
      ice_nine (~> 0.11)
    dry-types (1.5.0)
      concurrent-ruby (~> 1.0)
      dry-container (~> 0.3)
      dry-core (~> 0.5, >= 0.5)
      dry-inflector (~> 0.1, >= 0.1.2)
      dry-logic (~> 1.0, >= 1.0.2)
    dry-validation (1.6.0)
      concurrent-ruby (~> 1.0)
      dry-container (~> 0.7, >= 0.7.1)
      dry-core (~> 0.4)
      dry-equalizer (~> 0.2)
      dry-initializer (~> 3.0)
<<<<<<< HEAD
<<<<<<< HEAD
      dry-schema (~> 1.5, >= 1.5.2)
=======
      dry-schema (~> 1.5)
>>>>>>> ruby-2.7.1 and rails-6.0 upgrade
=======
      dry-schema (~> 1.5, >= 1.5.2)
>>>>>>> updated gems and changed as_json to serializable_hash
    erubi (1.10.0)
    erubis (2.7.0)
    factory_bot (4.11.1)
      activesupport (>= 3.0.0)
    factory_bot_rails (4.11.1)
      factory_bot (~> 4.11.1)
      railties (>= 3.0.0)
<<<<<<< HEAD
<<<<<<< HEAD
    font-awesome-rails (4.7.0.7)
      railties (>= 3.2, < 7)
=======
    font-awesome-rails (4.7.0.6)
      railties (>= 3.2, < 6.2)
>>>>>>> updated gems and changed as_json to serializable_hash
=======
    font-awesome-rails (4.7.0.7)
      railties (>= 3.2, < 7)
>>>>>>> WIP: fixing components specs
    forgery (0.7.0)
    globalid (0.4.2)
      activesupport (>= 4.2.0)
    haml (5.2.1)
      temple (>= 0.8.0)
      tilt
    haml-rails (2.0.1)
      actionpack (>= 5.1)
      activesupport (>= 5.1)
      haml (>= 4.0.6, < 6.0)
      html2haml (>= 1.0.1)
      railties (>= 5.1)
    html2haml (2.2.0)
      erubis (~> 2.7.0)
      haml (>= 4.0, < 6)
      nokogiri (>= 1.6.0)
      ruby_parser (~> 3.5)
<<<<<<< HEAD
<<<<<<< HEAD
    i18n (1.8.8)
=======
    i18n (1.8.7)
>>>>>>> ruby-2.7.1 and rails-6.0 upgrade
=======
    i18n (1.8.8)
>>>>>>> WIP: fixing components specs
      concurrent-ruby (~> 1.0)
    ice_nine (0.11.2)
    loofah (2.9.0)
      crass (~> 1.0.2)
      nokogiri (>= 1.5.9)
    mail (2.7.1)
      mini_mime (>= 0.1.1)
    marcel (0.3.3)
      mimemagic (~> 0.3.2)
    method_source (1.0.0)
    mime-types (3.3.1)
      mime-types-data (~> 3.2015)
<<<<<<< HEAD
    mime-types-data (3.2021.0225)
=======
    mime-types-data (3.2020.1104)
>>>>>>> updated gems and changed as_json to serializable_hash
    mimemagic (0.3.5)
    mini_mime (1.0.2)
    mini_portile2 (2.5.0)
    minitest (5.14.3)
    monetize (1.9.4)
      money (~> 6.12)
    money (6.13.8)
      i18n (>= 0.6.4, <= 2)
    money-rails (1.13.4)
      activesupport (>= 3.0)
      monetize (~> 1.9.0)
      money (~> 6.13.2)
      railties (>= 3.0)
    mongo (2.14.0)
      bson (>= 4.8.2, < 5.0.0)
<<<<<<< HEAD
<<<<<<< HEAD
=======
    mongoid (7.2.0)
      activemodel (>= 5.1, < 6.1)
      mongo (>= 2.10.5, < 3.0.0)
>>>>>>> ruby-2.7.1 and rails-6.0 upgrade
=======
>>>>>>> pointing mongoid to its github to fix a bug
    mongoid-autoinc (6.0.3)
      mongoid (>= 6.0, < 8.0)
    mongoid-compatibility (0.5.1)
      activesupport
      mongoid (>= 2.0)
    mongoid-rspec (4.1.0)
      activesupport (>= 3.0.0)
      mongoid (>= 3.1)
      mongoid-compatibility (>= 0.5.1)
      rspec-core (~> 3.3)
      rspec-expectations (~> 3.3)
      rspec-mocks (~> 3.3)
    mongoid_rails_migrations (1.4.0)
      activesupport (>= 4.2.0)
      bundler (>= 1.0.0)
      mongoid (>= 4.0.0)
      rails (>= 4.2.0)
      railties (>= 4.2.0)
<<<<<<< HEAD
<<<<<<< HEAD
    msgpack (1.4.2)
    nio4r (2.5.5)
=======
    msgpack (1.3.3)
=======
    msgpack (1.4.2)
<<<<<<< HEAD
>>>>>>> updated gems and changed as_json to serializable_hash
    nio4r (2.5.4)
>>>>>>> ruby-2.7.1 and rails-6.0 upgrade
=======
    nio4r (2.5.5)
>>>>>>> WIP: fixing components specs
    nokogiri (1.11.1)
      mini_portile2 (~> 2.5.0)
      racc (~> 1.4)
    nokogiri-happymapper (0.8.1)
      nokogiri (~> 1.5)
    orm_adapter (0.5.0)
    ox (2.14.1)
    parallel (1.20.1)
    parser (3.0.0.0)
      ast (~> 2.4.1)
    pry (0.13.1)
      coderay (~> 1.1)
      method_source (~> 1.0)
    pry-byebug (3.9.0)
      byebug (~> 11.0)
      pry (~> 0.13.0)
    public_suffix (4.0.6)
    pundit (2.1.0)
      activesupport (>= 3.0.0)
    racc (1.5.2)
    rack (2.2.3)
    rack-test (1.1.0)
      rack (>= 1.0, < 3)
<<<<<<< HEAD
<<<<<<< HEAD
=======
>>>>>>> WIP: fixing components specs
    rails (6.1.2.1)
      actioncable (= 6.1.2.1)
      actionmailbox (= 6.1.2.1)
      actionmailer (= 6.1.2.1)
      actionpack (= 6.1.2.1)
      actiontext (= 6.1.2.1)
      actionview (= 6.1.2.1)
      activejob (= 6.1.2.1)
      activemodel (= 6.1.2.1)
      activerecord (= 6.1.2.1)
      activestorage (= 6.1.2.1)
      activesupport (= 6.1.2.1)
      bundler (>= 1.15.0)
      railties (= 6.1.2.1)
<<<<<<< HEAD
=======
    rails (6.0.3.4)
      actioncable (= 6.0.3.4)
      actionmailbox (= 6.0.3.4)
      actionmailer (= 6.0.3.4)
      actionpack (= 6.0.3.4)
      actiontext (= 6.0.3.4)
      actionview (= 6.0.3.4)
      activejob (= 6.0.3.4)
      activemodel (= 6.0.3.4)
      activerecord (= 6.0.3.4)
      activestorage (= 6.0.3.4)
      activesupport (= 6.0.3.4)
      bundler (>= 1.3.0)
      railties (= 6.0.3.4)
>>>>>>> ruby-2.7.1 and rails-6.0 upgrade
=======
>>>>>>> WIP: fixing components specs
      sprockets-rails (>= 2.0.0)
    rails-controller-testing (1.0.5)
      actionpack (>= 5.0.1.rc1)
      actionview (>= 5.0.1.rc1)
      activesupport (>= 5.0.1.rc1)
    rails-dom-testing (2.0.3)
      activesupport (>= 4.2.0)
      nokogiri (>= 1.6)
    rails-html-sanitizer (1.3.0)
      loofah (~> 2.3)
    rails-perftest (0.0.7)
<<<<<<< HEAD
<<<<<<< HEAD
    railties (6.1.2.1)
      actionpack (= 6.1.2.1)
      activesupport (= 6.1.2.1)
      method_source
      rake (>= 0.8.7)
      thor (~> 1.0)
    rainbow (3.0.0)
    rake (13.0.3)
    regexp_parser (2.0.3)
=======
    railties (6.0.3.4)
      actionpack (= 6.0.3.4)
      activesupport (= 6.0.3.4)
=======
    railties (6.1.2.1)
      actionpack (= 6.1.2.1)
      activesupport (= 6.1.2.1)
>>>>>>> WIP: fixing components specs
      method_source
      rake (>= 0.8.7)
      thor (~> 1.0)
    rainbow (3.0.0)
    rake (13.0.3)
<<<<<<< HEAD
    regexp_parser (1.7.1)
>>>>>>> ruby-2.7.1 and rails-6.0 upgrade
=======
    regexp_parser (2.0.3)
>>>>>>> updated gems and changed as_json to serializable_hash
    responders (3.0.1)
      actionpack (>= 5.0)
      railties (>= 5.0)
    rexml (3.2.4)
<<<<<<< HEAD
<<<<<<< HEAD
    rspec-core (3.10.1)
      rspec-support (~> 3.10.0)
    rspec-expectations (3.10.1)
=======
    rspec-core (3.9.3)
      rspec-support (~> 3.9.3)
    rspec-expectations (3.9.4)
>>>>>>> ruby-2.7.1 and rails-6.0 upgrade
=======
    rspec-core (3.10.1)
      rspec-support (~> 3.10.0)
    rspec-expectations (3.10.1)
>>>>>>> WIP: fixing components specs
      diff-lcs (>= 1.2.0, < 2.0)
      rspec-support (~> 3.10.0)
    rspec-mocks (3.10.2)
      diff-lcs (>= 1.2.0, < 2.0)
<<<<<<< HEAD
<<<<<<< HEAD
=======
>>>>>>> WIP: fixing components specs
      rspec-support (~> 3.10.0)
    rspec-rails (4.0.2)
      actionpack (>= 4.2)
      activesupport (>= 4.2)
      railties (>= 4.2)
      rspec-core (~> 3.10)
      rspec-expectations (~> 3.10)
      rspec-mocks (~> 3.10)
      rspec-support (~> 3.10)
    rspec-support (3.10.2)
<<<<<<< HEAD
    rubocop (0.93.1)
=======
      rspec-support (~> 3.9.0)
    rspec-rails (3.9.1)
      actionpack (>= 3.0)
      activesupport (>= 3.0)
      railties (>= 3.0)
      rspec-core (~> 3.9.0)
      rspec-expectations (~> 3.9.0)
      rspec-mocks (~> 3.9.0)
      rspec-support (~> 3.9.0)
    rspec-support (3.9.4)
<<<<<<< HEAD
    rubocop (0.89.1)
>>>>>>> ruby-2.7.1 and rails-6.0 upgrade
=======
=======
>>>>>>> WIP: fixing components specs
    rubocop (0.93.1)
>>>>>>> updated gems and changed as_json to serializable_hash
      parallel (~> 1.10)
      parser (>= 2.7.1.5)
      rainbow (>= 2.2.2, < 4.0)
      regexp_parser (>= 1.8)
      rexml
      rubocop-ast (>= 0.6.0)
      ruby-progressbar (~> 1.7)
      unicode-display_width (>= 1.4.0, < 2.0)
    rubocop-ast (1.4.1)
      parser (>= 2.7.1.5)
    rubocop-rspec (1.44.1)
      rubocop (~> 0.87)
      rubocop-ast (>= 0.7.1)
    ruby-progressbar (1.11.0)
    ruby_parser (3.15.1)
      sexp_processor (~> 4.9)
    serverengine (1.5.11)
      sigdump (~> 0.2.2)
    sexp_processor (4.15.2)
    shoulda-matchers (3.1.3)
      activesupport (>= 4.0.0)
    sigdump (0.2.4)
    slim (3.0.9)
      temple (>= 0.7.6, < 0.9)
      tilt (>= 1.3.3, < 2.1)
    sneakers (1.1.2)
      bunny (>= 1.7.0, <= 2.0.0)
      serverengine (~> 1.5.5)
      thor
      thread (~> 0.1.7)
    sprockets (4.0.2)
      concurrent-ruby (~> 1.0)
      rack (> 1, < 3)
    sprockets-rails (3.2.2)
      actionpack (>= 4.0)
      activesupport (>= 4.0)
      sprockets (>= 3.0.0)
    symmetric-encryption (3.9.1)
      coercible (~> 1.0)
    temple (0.8.2)
    test-prof (0.5.0)
    thor (1.1.0)
    thread (0.1.7)
    thread_safe (0.3.6)
    tilt (2.0.10)
<<<<<<< HEAD
<<<<<<< HEAD
    tzinfo (2.0.4)
      concurrent-ruby (~> 1.0)
=======
    tzinfo (1.2.9)
      thread_safe (~> 0.1)
>>>>>>> ruby-2.7.1 and rails-6.0 upgrade
=======
    tzinfo (2.0.4)
      concurrent-ruby (~> 1.0)
>>>>>>> WIP: fixing components specs
    unicode-display_width (1.7.0)
    warden (1.2.9)
      rack (>= 2.0.9)
    websocket-driver (0.7.3)
      websocket-extensions (>= 0.1.0)
    websocket-extensions (0.1.5)
    xpath (3.2.0)
      nokogiri (~> 1.8)
<<<<<<< HEAD
<<<<<<< HEAD
    yard (0.9.26)
=======
    yard (0.9.25)
>>>>>>> ruby-2.7.1 and rails-6.0 upgrade
=======
    yard (0.9.26)
>>>>>>> updated gems and changed as_json to serializable_hash
    zeitwerk (2.4.2)

PLATFORMS
  ruby

DEPENDENCIES
  acapi!
  capybara (~> 3.12)
  database_cleaner-mongoid
  factory_bot_rails (~> 4)
  financial_assistance!
  forgery (~> 0.7.0)
<<<<<<< HEAD
<<<<<<< HEAD
  mongoid!
=======
>>>>>>> ruby-2.7.1 and rails-6.0 upgrade
=======
  mongoid!
>>>>>>> pointing mongoid to its github to fix a bug
  mongoid-rspec (~> 4.1)
  mongoid_rails_migrations (~> 1.4)
  nokogiri-happymapper
  pry-byebug
  rails-controller-testing
  rails-perftest (~> 0.0.7)
  resource_registry!
  rspec-rails
  rubocop-rspec (~> 1.31)
  shoulda-matchers (~> 3)
  test-prof (~> 0.5.0)
  ui_helpers!
  yard

BUNDLED WITH
   2.2.6
